{
  "AcquisitionDuration": "6:10", 
  "AcquisitionMatrix": "64x64", 
  "EchoTime": 0.03, 
  "FieldofViewDimensions": "220x220", 
  "FieldofViewShape": "Rectangle", 
  "FlipAngle": 90, 
  "Instructions": "Participants were instructed to keep their eyes directed on a cross-hair in the center of the projector, relax, and try not to fall asleep for the duration of the scan", 
  "MagneicFieldStrength": 3.0, 
  "Manufacturer": "GE", 
  "ManufacturersModelName": "MR750", 
  "NumberOfSlices": 42, 
  "NumberofMeasurements": "180", 
  "ParallelAcquisition": "Yes", 
  "ParallelAcquisitionTechnique": "ASSET", 
  "ParallelReductionFactorIn-plane": "n/a", 
  "PhaseEncodingDirection": "j-", 
  "PixelBandwidth": "7812.5", 
  "PixelSpacing": "3.4375x3.4375", 
  "PlaneOrientationSequentialuence": "Axial", 
  "PulseSequenceType": "EPI", 
  "ReceiveCoilName": "8 Chan", 
  "ReceiveCoilType": "Head", 
  "RepetitionTime": 2.0, 
  "SliceAcquisitionOrder": "Interleaved Ascending", 
  "SliceEncodingDirection": "k", 
  "SliceThickness": 3.4, 
  "SliceTiming": [
    0.0, 
    1000.0, 
    47.62, 
    1047.62, 
    95.24, 
    1095.24, 
    142.86, 
    1142.86, 
    190.48, 
    1190.48, 
    238.1, 
    1238.1, 
    285.71, 
    1285.71, 
    333.33, 
    1333.33, 
    380.95, 
    1380.95, 
    428.57, 
    1428.57, 
    476.19, 
    1476.19, 
    523.81, 
    1523.81, 
    571.43, 
    1571.43, 
    619.05, 
    1619.05, 
    666.67, 
    1666.67, 
    714.29, 
    1714.29, 
    761.9, 
    1761.9, 
    809.52, 
    1809.52, 
    857.14, 
    1857.14, 
    904.76, 
    1904.76, 
    952.38, 
    1952.38
  ], 
  "SpacingBetweenSlices": 3.4, 
  "TaskDescription": " During the resting state scans, participants were instructed to keep their eyes directed on a cross-hair in the center of the projector, relax, and try not to fall asleep for the duration of the scan.", 
  "TaskName": "rest"
}