{
  "AcquisitionDuration": "8:06", 
  "AcquisitionMatrix": "64x64", 
  "EchoTime": 0.03, 
  "FieldofViewDimensions": "200x200", 
  "FieldofViewShape": "Rectangle", 
  "FlipAngle": 90, 
  "Instructions": "Participants were asked to relax, stay still, and either keep their eyes open or closed", 
  "MagneticFieldStrength": "3T", 
  "Manufacturer": "Siemens", 
  "ManufacturersModelName": "TrioTim", 
  "NumberOfSlices": 33, 
  "NumberofMeasurements": 240, 
  "Orientation": "Axial", 
  "ParallelAcquisition": "Off", 
  "PhaseEncodingDirection": "j-", 
  "PixelBandwidth": 2520.0, 
  "PixelSpacing": "3.1x3.1", 
  "PulseSequenceType": "EPI", 
  "RepetitionTime": 2.0, 
  "ScanOptions": "FS", 
  "SliceAcquisitionOrder": "Interleaved Ascending", 
  "SliceEncodingDirection": "k", 
  "SliceThickness": 3.0, 
  "SliceTiming": [
    0.0, 
    1030.3, 
    60.61, 
    1090.91, 
    121.21, 
    1151.52, 
    181.82, 
    1212.12, 
    242.42, 
    1272.73, 
    303.03, 
    1333.33, 
    363.64, 
    1393.94, 
    424.24, 
    1454.55, 
    484.85, 
    1515.15, 
    545.45, 
    1575.76, 
    606.06, 
    1636.36, 
    666.67, 
    1696.97, 
    727.27, 
    1757.58, 
    787.88, 
    1818.18, 
    848.48, 
    1878.79, 
    909.09, 
    1939.39, 
    969.7
  ], 
  "SpacingBetweenSlices": 3.6, 
  "TaskDescription": "A black screen with a white fixation cross was displayed during the scan", 
  "TaskName": "rest"
}