{
  "AcquisitionDuration": "7:28", 
  "AcquisitionMatrix": "80x80", 
  "EchoTime": 0.03, 
  "FieldofViewDimensions": "220x220", 
  "FieldofViewShape": "Rectangular", 
  "FlipAngle": 80, 
  "Instructions": "relax and don't think about anything in particular, try to move as little as possible, and keep your eyes closed", 
  "MagneicFieldStrength": 3, 
  "Manufacturer": "Philips", 
  "ManufacturersModelName": "Intera", 
  "NumberOfSlices": 38.0, 
  "NumberofMeasurements": 200.0, 
  "ParallelAcquisition": "Yes", 
  "ParallelAcquisitionTechnique": "SENSE", 
  "ParallelReductionFactorIn-plane": 3.0, 
  "PhaseEncodingDirection": "j-", 
  "PixelBandwidth": 1283.7, 
  "PixelSpacing": "2.75x2.75", 
  "PlaneOrientationSequentialuence": "Axial", 
  "PulseSequenceType": "EPI", 
  "ReceiveCoilType": "Head", 
  "RepetitionTime": 2.2, 
  "ScanOptions": "FS", 
  "SliceAcquisitionOrder": "Sequential Descending", 
  "SliceEncodingDirection": "k", 
  "SliceThickness": 2.72, 
  "SliceTiming": [
    2142.11, 
    2084.21, 
    2026.32, 
    1968.42, 
    1910.53, 
    1852.63, 
    1794.74, 
    1736.84, 
    1678.95, 
    1621.05, 
    1563.16, 
    1505.26, 
    1447.37, 
    1389.47, 
    1331.58, 
    1273.68, 
    1215.79, 
    1157.89, 
    1100.0, 
    1042.11, 
    984.21, 
    926.32, 
    868.42, 
    810.53, 
    752.63, 
    694.74, 
    636.84, 
    578.95, 
    521.05, 
    463.16, 
    405.26, 
    347.37, 
    289.47, 
    231.58, 
    173.68, 
    115.79, 
    57.89, 
    0.0
  ], 
  "SpacingBetweenSlices": 2.992, 
  "TaskDescription": " The back-projection screen was turned off, and the light in the scanner room was dimmed.", 
  "TaskName": "rest"
}