{
  "AcquisitionDuration": "10:00", 
  "AcquisitionMatrix": "64x64", 
  "EchoTime": 0.03, 
  "FieldofViewDimensions": "220x220", 
  "FieldofViewShape": "Rectangular", 
  "FlipAngle": 90, 
  "Instructions": "Participants were instructed to let their minds wander and to not think about anything in particular while they looked at the cross.", 
  "MagneicFieldStrength": 3, 
  "Manufacturer": "GE", 
  "ManufacturersModelName": "Signa", 
  "NumberOfSlices": 40.0, 
  "PhaseEncodingDirection": "j-", 
  "PixelSpacing": "3.438x3.438", 
  "PlaneOrientationSequentialuence": "Axial", 
  "PulseSequenceType": "Gradient Echo Reverse Spiral", 
  "ReceiveCoilType": "Head", 
  "RepetitionTime": 2.0, 
  "SliceAcquisitionOrder": "Sequential Ascending", 
  "SliceEncodingDirection": "k", 
  "SliceThickness": 3.0, 
  "SliceTiming": [
    0.0, 
    50.0, 
    100.0, 
    150.0, 
    200.0, 
    250.0, 
    300.0, 
    350.0, 
    400.0, 
    450.0, 
    500.0, 
    550.0, 
    600.0, 
    650.0, 
    700.0, 
    750.0, 
    800.0, 
    850.0, 
    900.0, 
    950.0, 
    1000.0, 
    1050.0, 
    1100.0, 
    1150.0, 
    1200.0, 
    1250.0, 
    1300.0, 
    1350.0, 
    1400.0, 
    1450.0, 
    1500.0, 
    1550.0, 
    1600.0, 
    1650.0, 
    1700.0, 
    1750.0, 
    1800.0, 
    1850.0, 
    1900.0, 
    1950.0
  ], 
  "SpacingBetweenSlices": 3.0, 
  "TaskDescription": " Participants underwent a 10 minute, eyes-open, resting acquisition in which they looked at a fixation cross in the middle of the screen. ", 
  "TaskName": "rest"
}