{
  "AcquisitionDuration": "9:06", 
  "AcquisitionMatrix": "128x128", 
  "Averages": 1.0, 
  "Diffusionb-value": 700.0, 
  "EchoTime": "0.083", 
  "FieldofViewDimensions": "256x256", 
  "FieldofViewShape": "Rectangle", 
  "MagneticFieldStrength": "3T", 
  "Manufacturer": "Siemens", 
  "ManufacturersModelName": "TrioTim", 
  "NumberofBZeros": 1.0, 
  "NumberofDirections": 64.0, 
  "NumberofMeasurements": 65, 
  "NumberofSlices": 64.0, 
  "ParallelAcquisition": "On", 
  "ParallelAcquisitionTechnique": "GRAPPA", 
  "ParallelReductionFactorIn-plane": 2.0, 
  "PartialFourier": "8-Jun", 
  "PhaseEncodingDirection": "j-", 
  "PixelBandwidth": 1396.0, 
  "PixelSpacing": "2.0x2.0", 
  "PlaneOrientationSequence": "Axial", 
  "PulseSequenceType": "EPI", 
  "ReceiveCoilName": "12 Chan", 
  "ReceiveCoilType": "Head", 
  "RepetitionTime": 8.0, 
  "ScanOptions": "FS, PFP", 
  "SliceAcquisitionOrder": "Interleaved Ascending", 
  "SliceEncodingDirection": "k", 
  "SliceThickness": 2.0, 
  "SpacingBetweenSlices": 2.0
}