{
  "AcquisitionDuration": "6:00", 
  "AcquisitionMatrix": "64x64", 
  "EchoTime": 0.03, 
  "FieldofViewDimensions": "220x220", 
  "FieldofViewShape": "Rectangle", 
  "FlipAngle": 90, 
  "Instructions": "Lie Still and Relax During Scan", 
  "MagneicFieldStrength": 3, 
  "Manufacturer": "Siemens", 
  "ManufacturersModelName": "TrioTim", 
  "NumberOfSlices": 64, 
  "NumberofMeasurements": 180, 
  "ParallelAcquisition": "No", 
  "PhaseEncodingDirection": "j-", 
  "PixelBandwidth": 2232.0, 
  "PixelSpacing": "3.4x3.4", 
  "PlaneOrientationSequence": "Axial", 
  "PulseSequenceType": "EPI", 
  "ReceiveCoilName": "8 Chan", 
  "ReceiveCoilType": "Head", 
  "RepetitionTime": 2.0, 
  "ScanOptions": "FS", 
  "SliceAcquisitionOrder": "Interleaved Ascending", 
  "SliceEncodingDirection": "k", 
  "SliceThickness": 3.0, 
  "SliceTiming": [
    1000.0, 
    0.0, 
    1031.25, 
    31.25, 
    1062.5, 
    62.5, 
    1093.75, 
    93.75, 
    1125.0, 
    125.0, 
    1156.25, 
    156.25, 
    1187.5, 
    187.5, 
    1218.75, 
    218.75, 
    1250.0, 
    250.0, 
    1281.25, 
    281.25, 
    1312.5, 
    312.5, 
    1343.75, 
    343.75, 
    1375.0, 
    375.0, 
    1406.25, 
    406.25, 
    1437.5, 
    437.5, 
    1468.75, 
    468.75, 
    1500.0, 
    500.0, 
    1531.25, 
    531.25, 
    1562.5, 
    562.5, 
    1593.75, 
    593.75, 
    1625.0, 
    625.0, 
    1656.25, 
    656.25, 
    1687.5, 
    687.5, 
    1718.75, 
    718.75, 
    1750.0, 
    750.0, 
    1781.25, 
    781.25, 
    1812.5, 
    812.5, 
    1843.75, 
    843.75, 
    1875.0, 
    875.0, 
    1906.25, 
    906.25, 
    1937.5, 
    937.5, 
    1968.75, 
    968.75
  ], 
  "SpacingBetweenSlices": 3.99, 
  "TaskDescription": "Two independent stimulus-response compatibility (SRC) experiments were conducted, both combining the Stroop task and the Simon task. There were two resting-state blocks in each experiment, one before the task blocks and the other after the task blocks.During functional scanning, subjects were presented with a fixation cross and instructed to keep their eyes open, stare at the fixation, relax and move as little as possible.", 
  "TaskName": "rest"
}