{
  "AcquisitionDuration": "24:21:00", 
  "AcquisitionMatrix": "124x124", 
  "Averages": 4.0, 
  "Diffusionb-value": 1500.0, 
  "EchoTime": 0.079, 
  "FieldofViewDimensions": "248x248", 
  "FieldofViewShape": "Rectangle", 
  "FlipAngle": 90.0, 
  "MagneicFieldSrengh": 3.0, 
  "Manufacturer": "Philips", 
  "ManufacturersModelName": "Achieva", 
  "NumberOfSlices": 65, 
  "NumberofBZeros": "n/a", 
  "NumberofDirections": 61, 
  "PhaseEncodingDirection": "j-", 
  "PixelBandwidth": 2590.6, 
  "PixelSpacing": "1.94x1.94", 
  "PlaneOrientationSequence": "Axial", 
  "ReceiveCoilType": "Head", 
  "ReceiveCoilUsed": "8 Chan", 
  "RepetitionTime": 20.244, 
  "ScanOptions": "FS", 
  "ScanningSequence": "EPI", 
  "SliceThickness": 2.0, 
  "SpacingBetweenSlices": 2.0
}