{
  "AcquisitionDuration": "5:15", 
  "AcquisitionMatrix": "64x64", 
  "EchoTime": 0.027000000000000003, 
  "FieldofViewDimensions": "220x220", 
  "FieldofViewShape": "Rectangular", 
  "FlipAngle": 60, 
  "Instructions": "participants were instructed to lie still with their eyes open, fixating on a centrally presented cross", 
  "MagneicFieldStrength": 3, 
  "Manufacturer": "Siemens", 
  "ManufacturersModelName": "Allegra", 
  "NumberOfSlices": 29.0, 
  "NumberofMeasurements": 210.0, 
  "ParallelAcquisition": "No", 
  "PhaseEncodingDirection": "j-", 
  "PixelBandwidth": 4112.0, 
  "PixelSpacing": "3.4x3.4", 
  "PlaneOrientationSequentialuence": "Axial", 
  "PulseSequenceType": "EPI", 
  "ReceiveCoilType": "Head", 
  "RepetitionTime": 1.5, 
  "ScanOptions": "FS", 
  "SliceAcquisitionOrder": "Interleaved Ascending", 
  "SliceEncodingDirection": "k", 
  "SliceThickness": 4.0, 
  "SliceTiming": [
    0.0, 
    775.86, 
    51.72, 
    827.59, 
    103.45, 
    879.31, 
    155.17, 
    931.03, 
    206.9, 
    982.76, 
    258.62, 
    1034.48, 
    310.34, 
    1086.21, 
    362.07, 
    1137.93, 
    413.79, 
    1189.66, 
    465.52, 
    1241.38, 
    517.24, 
    1293.1, 
    568.97, 
    1344.83, 
    620.69, 
    1396.55, 
    672.41, 
    1448.28, 
    724.14
  ], 
  "SpacingBetweenSlices": 5.0, 
  "TaskDescription": "During fMRI, participants were instructed to lie still with their eyes open, fixating on a centrally presented cross for 5 minutes and 15 seconds. We did not ask to withhold any medications prior to scan", 
  "TaskName": "rest"
}