{
  "AcquisitionDuration": "8:06", 
  "AcquisitionMatrix": "64x64", 
  "BulkMotionCompensationTechnique": "Tracking", 
  "EchoTime": 0.03, 
  "FieldofViewDimensions": "220x220", 
  "FieldofViewShape": "Rectangle", 
  "FlipAngle": 90, 
  "Instructions": "Lie Still and Relax During Scan", 
  "MagneicFieldStrength": 3, 
  "Manufacturer": "Siemens", 
  "ManufacturersModelName": "TrioTim", 
  "NumberOfSlices": 33, 
  "NumberofMeasurements": 240, 
  "ParallelAcquisition": "No", 
  "PhaseEncodingDirection": "j-", 
  "PixelBandwidth": 2520.0, 
  "PixelSpacing": "3.4x3.4", 
  "PlaneOrientationSequence": "Axial", 
  "PulseSequenceType": "EPI", 
  "ReceiveCoilName": "12 Chan", 
  "ReceiveCoilType": "Head", 
  "RepetitionTime": 2.0, 
  "ScanOptions": "FS", 
  "SliceAcquisitionOrder": "Interleaved Ascending", 
  "SliceEncodingDirection": "k", 
  "SliceThickness": 3.0, 
  "SliceTiming": [
    0.0, 
    1030.3, 
    60.61, 
    1090.91, 
    121.21, 
    1151.52, 
    181.82, 
    1212.12, 
    242.42, 
    1272.73, 
    303.03, 
    1333.33, 
    363.64, 
    1393.94, 
    424.24, 
    1454.55, 
    484.85, 
    1515.15, 
    545.45, 
    1575.76, 
    606.06, 
    1636.36, 
    666.67, 
    1696.97, 
    727.27, 
    1757.58, 
    787.88, 
    1818.18, 
    848.48, 
    1878.79, 
    909.09, 
    1939.39, 
    969.7
  ], 
  "SpacingBetweenSlices": 3.9, 
  "TaskDescription": "Each participant was scanned twice, with scans at least one year apart. Subjects were presented with a blank screen and instructed to keep their eyes closed, relax and move as little as possible. Subjects were also asked not focus on their breathing or put themselves in a meditative state.", 
  "TaskName": "rest"
}