{
  "AcquisitionDuration": "8:06", 
  "AcquisitionMatrix": "64x64", 
  "BulkMotionCompensationTechnique": "Tracking", 
  "EchoTime": 0.03, 
  "FieldofViewDimensions": "200x200", 
  "FieldofViewShape": "Rectangle", 
  "FlipAngle": 90, 
  "Instructions": "Lie Still and Relax During Scan", 
  "MagneicFieldSrengh": 3, 
  "Manufacturer": "Siemens", 
  "ManufacturersModelName": "TrioTim", 
  "NumberOfSlices": 33, 
  "NumberofMeasurements": 240, 
  "ParallelAcquisition": "No", 
  "PhaseEncodingDirection": "j-", 
  "PixelBandwidth": 2232.0, 
  "PixelSpacing": "3.1x3.1", 
  "PlaneOrientationSequence": "Axial", 
  "PulseSequenceType": "EPI", 
  "ReceiveCoilName": "8 Chan", 
  "ReceiveCoilType": "Head", 
  "RepetitionTime": 2.0, 
  "ScanOptions": "FS", 
  "SliceAcquisitionOrder": "Interleaved Ascending", 
  "SliceEncodingDirection": "k", 
  "SliceThickness": 3.0, 
  "SliceTiming": [
    0.0, 
    1030.3, 
    60.61, 
    1090.91, 
    121.21, 
    1151.52, 
    181.82, 
    1212.12, 
    242.42, 
    1272.73, 
    303.03, 
    1333.33, 
    363.64, 
    1393.94, 
    424.24, 
    1454.55, 
    484.85, 
    1515.15, 
    545.45, 
    1575.76, 
    606.06, 
    1636.36, 
    666.67, 
    1696.97, 
    727.27, 
    1757.58, 
    787.88, 
    1818.18, 
    848.48, 
    1878.79, 
    909.09, 
    1939.39, 
    969.7
  ], 
  "SpacingBetweenSlices": 3.6, 
  "TaskDescription": "Each subject underwent anatomical scans and two resting state fMRI scans as part of an experiment on the attentional blink. The first scan was performed prior to the behavioral pretest and training. This was followed by the second rest scan and then the behavioral posttest outside of the scanner.", 
  "TaskName": "rest"
}