{
  "AcquisitionDuration": "6:40", 
  "AcquisitionMatrix": "84x84", 
  "EchoTime": 0.03, 
  "FieldofViewDimensions": "256x256", 
  "FieldofViewShape": "Rectangle", 
  "FlipAngle": 75, 
  "Instructions": "Participants were instructed to relax, stay as still as possible, keep eyes open, and fixate on a center cross.", 
  "Manufacturer": "Philips", 
  "Notes": "Reconstruced voxels size: 2.67x2.67x3.0;Matrix 96x96", 
  "NumberOfSlices": 47, 
  "NumberofMeasurements": 152, 
  "Orientation": "Axial", 
  "PhaseEncodingDirection": "j-", 
  "PixelBandwidth": 2696.9, 
  "PixelSpacing": "3.05x3.15", 
  "PulseSequenceType": "EPI", 
  "RepetitionTime": 2.5, 
  "ScanOptions": "FS", 
  "SliceAcquisitionOrder": "Sequential Ascending", 
  "SliceEncodingDirection": "k", 
  "SliceThickness": 3.0, 
  "SliceTiming": [
    0.0, 
    53.19, 
    106.38, 
    159.57, 
    212.77, 
    265.96, 
    319.15, 
    372.34, 
    425.53, 
    478.72, 
    531.91, 
    585.11, 
    638.3, 
    691.49, 
    744.68, 
    797.87, 
    851.06, 
    904.26, 
    957.45, 
    1010.64, 
    1063.83, 
    1117.02, 
    1170.21, 
    1223.4, 
    1276.6, 
    1329.79, 
    1382.98, 
    1436.17, 
    1489.36, 
    1542.55, 
    1595.74, 
    1648.94, 
    1702.13, 
    1755.32, 
    1808.51, 
    1861.7, 
    1914.89, 
    1968.09, 
    2021.28, 
    2074.47, 
    2127.66, 
    2180.85, 
    2234.04, 
    2287.23, 
    2340.43, 
    2393.62, 
    2446.81
  ], 
  "SpacingBetweenSlices": 3.0, 
  "TaskName": "rest"
}