{
  "AcquisitionDuration": "10:05", 
  "AcquisitionMatrix": "64x64", 
  "EchoTime": 0.03, 
  "FieldofViewDimensions": "224x224", 
  "FieldofViewShape": "Rectangle", 
  "FlipAngle": 90, 
  "Instructions": "Lie Still, Fixate On The Cross, and Relax During Scan", 
  "MagneicFieldStrength": 3, 
  "Manufacturer": "Siemens", 
  "ManufacturersModelName": "TrioTim", 
  "NumberOfSlices": 25, 
  "NumberofMeasurements": 242, 
  "ParallelAcquisition": "No", 
  "PhaseEncodingDirection": "j-", 
  "PixelBandwidth": 2298.0, 
  "PixelSpacing": "3.5x3.5", 
  "PlaneOrientationSequence": "Axial", 
  "PulseSequenceType": "EPI", 
  "ReceiveCoilName": "8 Chan", 
  "ReceiveCoilType": "Head", 
  "RepetitionTime": 2.5, 
  "ScanOptions": "FS", 
  "SliceAcquisitionOrder": "Interleaved Ascending", 
  "SliceEncodingDirection": "k", 
  "SliceThickness": 3.5, 
  "SliceTiming": [
    0.0, 
    1300.0, 
    100.0, 
    1400.0, 
    200.0, 
    1500.0, 
    300.0, 
    1600.0, 
    400.0, 
    1700.0, 
    500.0, 
    1800.0, 
    600.0, 
    1900.0, 
    700.0, 
    2000.0, 
    800.0, 
    2100.0, 
    900.0, 
    2200.0, 
    1000.0, 
    2300.0, 
    1100.0, 
    2400.0, 
    1200.0
  ], 
  "SpacingBetweenSlices": 7.0, 
  "TaskDescription": "Each participant was scanned five times a day over three days and each session contained three resting state scans. Subjects were presented with a fixation cross and were instructed to keep their eyes open, fixate on the cross displayed on the screen, relax, and move as little as possible", 
  "TaskName": "rest"
}