{
  "AcquisitionDuration": "8:00", 
  "AcquisitionMatrix": "64x64", 
  "EchoTime": 0.03, 
  "FieldofViewDimensions": "220x220", 
  "FieldofViewShape": "Rectangle", 
  "FlipAngle": 90, 
  "Instructions": "Lie Still and Relax During Scan", 
  "MagneicFieldStrength": 3, 
  "Manufacturer": "GE", 
  "ManufacturersModelName": "Signa HDx", 
  "NumberOfSlices": 32, 
  "NumberofMeasurements": 240, 
  "ParallelAcquisition": "No", 
  "PhaseEncodingDirection": "j-", 
  "PixelBandwidth": 7812.5, 
  "PixelSpacing": "3.4x3.4", 
  "PulseSequenceType": "EPI", 
  "ReceiveCoilName": "8 Chan", 
  "ReceiveCoilType": "Head", 
  "RepetitionTime": 2.0, 
  "SliceAcquisitionOrder": "Interleaved Ascending", 
  "SliceThickness": 4.0, 
  "SliceTiming": [
    0.0, 
    1000.0, 
    62.5, 
    1062.5, 
    125.0, 
    1125.0, 
    187.5, 
    1187.5, 
    250.0, 
    1250.0, 
    312.5, 
    1312.5, 
    375.0, 
    1375.0, 
    437.5, 
    1437.5, 
    500.0, 
    1500.0, 
    562.5, 
    1562.5, 
    625.0, 
    1625.0, 
    687.5, 
    1687.5, 
    750.0, 
    1750.0, 
    812.5, 
    1812.5, 
    875.0, 
    1875.0, 
    937.5, 
    1937.5
  ], 
  "SpacingBetweenSlices": 4.6, 
  "TaskDescription": "Subjects were instructed to keep their eyes closed, lie still and relax during the scan.", 
  "TaskName": "rest"
}