{
  "AcquisitionDuration": "6:36", 
  "AcquisitionMatrix": "64x64", 
  "EchoTime": 0.03, 
  "FieldofViewDimensions": "220x220", 
  "FieldofViewShape": "Rectangle", 
  "FlipAngle": 90, 
  "MagneicFieldSrengh": 3, 
  "Manufacturer": "Siemens", 
  "ManufacturersModelName": "TrioTim", 
  "NumberOfSlices": 29, 
  "NumberofMeasurements": 224, 
  "ParallelAcquisition": "No", 
  "PhaseEncodingDirection": "j-", 
  "PixelBandwidth": 2442.0, 
  "PixelSpacing": "3.4x3.4", 
  "PlaneOrientationSequence": "Axial", 
  "PulseSequenceType": "EPI", 
  "ReceiveCoilName": "12 Chan", 
  "ReceiveCoilType": "Head", 
  "RepetitionTime": 1.75, 
  "ScanOptions": "FS", 
  "SliceAcquisitionOrder": "Sequential Ascending", 
  "SliceEncodingDirection": "k", 
  "SliceThickness": 3.6, 
  "SliceTiming": [
    0.0, 
    60.34, 
    120.69, 
    181.03, 
    241.38, 
    301.72, 
    362.07, 
    422.41, 
    482.76, 
    543.1, 
    603.45, 
    663.79, 
    724.14, 
    784.48, 
    844.83, 
    905.17, 
    965.52, 
    1025.86, 
    1086.21, 
    1146.55, 
    1206.9, 
    1267.24, 
    1327.59, 
    1387.93, 
    1448.28, 
    1508.62, 
    1568.97, 
    1629.31, 
    1689.66
  ], 
  "SpacingBetweenSlices": 3.96, 
  "TaskDescription": "The MSIT task was implemented using the more recent description of the task by Bush and colleague]. The MSIT is a block design that begins and ends with 28-second blocks of fixation and involves four 42-second blocks of coherent stimuli interleaved with four 42-second blocks of incoherent stimuli. Each stimuli is presented for 1.75  and involves three numerals, two of which are always the same and one that always differs (target). The participant is instructed to press a button on a button box that  corresponds to the value of the target numeral. During 2 coherent trials, the non-target numerals are always zero and the value of the target numeral corresponds to its position. During incoherent trials, the non-target numerals are non-zero and the target numeral does not correspond to its position. Prior to each run of the MSIT, participants were reminded of the task instructions and asked to respond as accurately and quickly as possible.", 
  "TaskName": "msit"
}