{
  "AcquisitionDuration": "10:04", 
  "AcquisitionMatrix": "64x64", 
  "EchoTime": 0.03, 
  "FieldofViewDimensions": "220x220", 
  "FieldofViewShape": "Rectangle", 
  "FlipAngle": 90, 
  "Instructions": "Please lie quietly with your eyes open and fixate on the fixation cross. During the scan let your mind wander freely. Do not perform any sort of mental calculation, memory recall, or other mental tasks. If you notice yourself focusing on a particular stream of thought, let your mind wander away. It is important that you remain awake and keep your head still during this scan. It will last 10 minutes.", 
  "MagneticFieldStrength": "3T", 
  "Manufacturer": "Siemens", 
  "ManufacturersModelName": "TrioTim", 
  "NumberOfSlices": 29, 
  "NumberofMeasurements": 343, 
  "ParallelAcquisition": "No", 
  "PhaseEncodingDirection": "j", 
  "PixelBandwidth": 2442.0, 
  "PixelSpacing": "3.4x3.4", 
  "PlaneOrientationSequence": "Axial", 
  "PulseSequenceType": "EPI", 
  "ReceiveCoilName": "12 Chan", 
  "ReceiveCoilType": "Head", 
  "RepetitionTime": 1.75, 
  "ScanOptions": "FS", 
  "SliceAcquisitionOrder": "Sequential Ascending", 
  "SliceThickness": 3.6, 
  "SliceTiming": [
    0.0, 
    60.34, 
    120.69, 
    181.03, 
    241.38, 
    301.72, 
    362.07, 
    422.41, 
    482.76, 
    543.1, 
    603.45, 
    663.79, 
    724.14, 
    784.48, 
    844.83, 
    905.17, 
    965.52, 
    1025.86, 
    1086.21, 
    1146.55, 
    1206.9, 
    1267.24, 
    1327.59, 
    1387.93, 
    1448.28, 
    1508.62, 
    1568.97, 
    1629.31, 
    1689.66
  ], 
  "SpacingBetweenSlices": 3.96, 
  "Task": "rest", 
  "TaskDescription": "For the resting state fMRI the subject was asked to lie quietly with eyes open, fixate on a cross, and let their mind wander freely."
}