{
  "AcquisitionDuration": "7:29", 
  "AcquisitionMatrix": "256x256", 
  "EchoTime": 0.0039, 
  "FieldofViewDimensions": "256x256", 
  "FieldofViewShape": "Rectangle", 
  "FlipAngle": 8, 
  "InversionTime": 1.06, 
  "MagneticFieldStrength": 3, 
  "Manufacturer": "Philips", 
  "ManufacturersModelName": "Achieva", 
  "NumberOfSlices": 160.0, 
  "ParallelAcquisition": "Yes", 
  "ParallelAcquisitionTechnique": "SENSE", 
  "ParallelReductionFactorIn-plane": 1.0, 
  "ParallelReductionFactorout-of-plane": 1.5, 
  "PhaseEncodingDirection": "j-", 
  "PixelBandwidth": 178.7, 
  "PixelSpacing": "1x1", 
  "PlaneOrientationSequence": "Saggital", 
  "ReceiveCoilType": "Head", 
  "RepetitionTime": 3.0, 
  "ScanningSequence": "MPRAGE", 
  "SliceThickness": 1.0, 
  "SpacingBetweenSlices": 1.0
}