{
  "AcquisitionDuration": "5:06", 
  "AcquisitionMatrix": "80x80", 
  "EchoTime": 0.027999999999999997, 
  "FieldofViewDimensions": "240x240", 
  "FieldofViewShape": "Rectangular", 
  "FlipAngle": 90, 
  "Instructions": "particpants were instructed to keep their eyes closed and to rest for five minutes.", 
  "MagneicFieldStrength": 3, 
  "Manufacturer": "Philips", 
  "ManufacturersModelName": "Achieva", 
  "NumberOfSlices": 38.0, 
  "NumberofMeasurements": 150.0, 
  "ParallelAcquisition": "Yes", 
  "ParallelAcquisitionTechnique": "SENSE", 
  "ParallelReductionFactorIn-plane": 2.0, 
  "PhaseEncodingDirection": "j-", 
  "PixelBandwidth": 2419.2, 
  "PixelSpacing": "3x3", 
  "PlaneOrientationSequentialuence": "Axial", 
  "PulseSequenceType": "EPI", 
  "ReceiveCoilType": "Head", 
  "RepetitionTime": 2.0, 
  "ScanOptions": "FS", 
  "SliceAcquisitionOrder": "Sequential Ascending", 
  "SliceEncodingDirection": "k", 
  "SliceThickness": 3.5, 
  "SliceTiming": [
    0.0, 
    52.63, 
    105.26, 
    157.89, 
    210.53, 
    263.16, 
    315.79, 
    368.42, 
    421.05, 
    473.68, 
    526.32, 
    578.95, 
    631.58, 
    684.21, 
    736.84, 
    789.47, 
    842.11, 
    894.74, 
    947.37, 
    1000.0, 
    1052.63, 
    1105.26, 
    1157.89, 
    1210.53, 
    1263.16, 
    1315.79, 
    1368.42, 
    1421.05, 
    1473.68, 
    1526.32, 
    1578.95, 
    1631.58, 
    1684.21, 
    1736.84, 
    1789.47, 
    1842.11, 
    1894.74, 
    1947.37
  ], 
  "SpacingBetweenSlices": 3.85, 
  "TaskName": "rest"
}