{
  "AcquisitionDuration": "2:02", 
  "AcquisitionMatrix": "112x112", 
  "EchoTime": 0.03, 
  "FieldofViewDimensions": "224x224", 
  "FieldofViewShape": "Rectangle", 
  "FlipAngle": 65, 
  "Instructions": "Follow the red circle with your eyes", 
  "MagneicFieldStrength": 3, 
  "Manufacturer": "Siemens", 
  "ManufacturersModelName": "TrioTim", 
  "MultibandAccelerationFactor": 4.0, 
  "NumberOfSlices": 64, 
  "NumberofMeasurements": 80, 
  "ParallelAcquisition": "No", 
  "PhaseEncodingDirection": "j-", 
  "PixelBandwidth": 1786.0, 
  "PixelSpacing": "2.0x2.0", 
  "PlaneOrientationSequence": "Axial", 
  "PulseSequenceType": "EPI", 
  "ReceiveCoilName": "32 Chan", 
  "ReceiveCoilType": "Head", 
  "RepetitionTime": 1.4, 
  "ScanOptions": "FS", 
  "SliceAcquisitionOrder": "Interleaved Ascending", 
  "SliceEncodingDirection": "k", 
  "SliceThickness": 2.0, 
  "SliceTiming": [
    0.0, 
    615.00000001, 
    1230.00000001, 
    440.0, 
    1055.00000001, 
    262.50000001, 
    877.5, 
    87.50000001, 
    702.5, 
    1317.5, 
    527.50000001, 
    1142.5, 
    352.50000001, 
    965.00000001, 
    175.0, 
    790.00000001, 
    1405.0, 
    2020.0, 
    2635.00000001, 
    1845.0, 
    2460.00000001, 
    1670.0, 
    2285.0, 
    1492.50000001, 
    2107.5, 
    2722.5, 
    1932.50000001, 
    2547.5, 
    1757.50000001, 
    2372.50000001, 
    1582.5, 
    2195.00000001, 
    2812.5, 
    3425.0, 
    4040.00000001, 
    3250.0, 
    3865.00000001, 
    3075.00000001, 
    3690.0, 
    2900.00000001, 
    3515.0, 
    4127.5, 
    3337.50000001, 
    3952.5, 
    3162.50000001, 
    3777.50000001, 
    2987.5, 
    3602.50000001, 
    4217.5, 
    4832.5, 
    5447.50000001, 
    4655.0, 
    5270.0, 
    4480.00000001, 
    5095.0, 
    4305.00000001, 
    4920.0, 
    5535.0, 
    4745.00000001, 
    5357.5, 
    4567.5, 
    5182.50000001, 
    4392.5, 
    5007.50000001
  ], 
  "SpacingBetweenSlices": 2.0, 
  "TaskDescription": "Particiapnts are asked to follow a red dot around the screen", 
  "TaskName": "eyemovement"
}