{
  "AcquisitionDuration": "2:02", 
  "AcquisitionMatrix": "74x74", 
  "EchoTime": 0.03, 
  "FieldofViewDimensions": "222x222", 
  "FieldofViewShape": "Rectangle", 
  "FlipAngle": 60, 
  "Instructions": "Follow the red circle with your eyes", 
  "MagneicFieldStrength": 3, 
  "Manufacturer": "Siemens", 
  "ManufacturersModelName": "TrioTim", 
  "MultibandAccelerationFactor": 4.0, 
  "NumberOfSlices": 40, 
  "NumberofMeasurements": 180, 
  "ParallelAcquisition": "No", 
  "PhaseEncodingDirection": "j-", 
  "PixelBandwidth": 2598.0, 
  "PixelSpacing": "3.0x3.0", 
  "PlaneOrientationSequence": "Axial", 
  "PulseSequenceType": "EPI", 
  "ReceiveCoilName": "32 Chan", 
  "ReceiveCoilType": "Head", 
  "RepetitionTime": 0.645, 
  "ScanOptions": "FS", 
  "SliceAcquisitionOrder": "Interleaved Ascending", 
  "SliceEncodingDirection": "k", 
  "SliceThickness": 3.0, 
  "SliceTiming": [
    0.0, 
    452.5, 
    257.49999999, 
    64.99999999, 
    517.49999999, 
    322.49999999, 
    129.99999999, 
    582.49999999, 
    387.5, 
    192.49999999, 
    647.49999999, 
    1099.99999999, 
    905.0, 
    712.49999999, 
    1164.99999999, 
    970.0, 
    777.5, 
    1230.0, 
    1034.99999999, 
    840.0, 
    1295.0, 
    1747.5, 
    1552.49999999, 
    1360.0, 
    1812.5, 
    1617.49999999, 
    1424.99999999, 
    1877.49999999, 
    1682.5, 
    1487.49999999, 
    1942.49999999, 
    2394.99999999, 
    2200.0, 
    2007.49999999, 
    2459.99999999, 
    2265.0, 
    2072.49999999, 
    2524.99999999, 
    2329.99999999, 
    2137.5
  ], 
  "SpacingBetweenSlices": 3.0, 
  "TaskDescription": "Particiapnts are asked to follow a red dot around the screen", 
  "TaskName": "eyemovement"
}