{
  "AcquisitionDuration": "5:05", 
  "AcquisitionMatrix": "72x72", 
  "EchoTime": 0.03, 
  "FieldofViewDimensions": "216x216", 
  "FieldofViewShape": "Rectangle", 
  "FlipAngle": 80, 
  "Instructions": "Keep your eyes open and stay awake", 
  "MagneicFieldStrength": 3, 
  "Manufacturer": "Siemens", 
  "ManufacturersModelName": "TrioTim", 
  "NumberOfSlices": 38, 
  "NumberofMeasurements": 120, 
  "ParallelAcquisition": "No", 
  "PhaseEncodingDirection": "j-", 
  "PixelBandwidth": 2240.0, 
  "PixelSpacing": "3.0x3.0", 
  "PlaneOrientationSequence": "Axial", 
  "PulseSequenceType": "EPI", 
  "ReceiveCoilName": "32 Chan", 
  "ReceiveCoilType": "Head", 
  "RepetitionTime": 2.5, 
  "ScanOptions": "FS", 
  "SliceAcquisitionOrder": "Interleaved Ascending", 
  "SliceEncodingDirection": "k", 
  "SliceThickness": 3.0, 
  "SliceTiming": [
    1255.0, 
    0.0, 
    1320.00000001, 
    65.0, 
    1385.00000001, 
    130.0, 
    1452.50000001, 
    197.50000001, 
    1517.5, 
    262.50000001, 
    1585.00000001, 
    330.0, 
    1650.00000001, 
    395.0, 
    1715.00000001, 
    462.50000001, 
    1782.5, 
    527.50000001, 
    1847.5, 
    592.50000001, 
    1915.00000001, 
    660.0, 
    1980.00000001, 
    725.00000001, 
    2047.5, 
    792.50000001, 
    2112.5, 
    857.50000001, 
    2177.50000001, 
    922.5, 
    2245.00000001, 
    990.00000001, 
    2310.00000001, 
    1055.00000001, 
    2377.5, 
    1122.50000001, 
    2442.5, 
    1187.5
  ], 
  "SpacingBetweenSlices": 3.33, 
  "TaskName": "rest"
}