{
  "AcquisitionDuration": "5:05, 5:15, 5:17, 5:20, 6:30, 6:45", 
  "AcquisitionMatrix": "84x81", 
  "EchoTime": 0.03, 
  "FieldofViewDimensions": "256x256", 
  "FieldofViewShape": "Rectangle", 
  "FlipAngle": 75, 
  "Instructions": "Participants were instructed to relax and focus on a crosshair while remaining as still as possible.", 
  "MagneicFieldStrength": 3.0, 
  "Manufacturer": "Philips", 
  "ManufacturersModelName": "Achieva", 
  "Notes": "Reconstructed voxels 2.67x2.67x3", 
  "NumberOfSlices": 47, 
  "NumberofMeasurements": "122,126,127,128,156,000", 
  "ParallelAcquisition": "Yes", 
  "ParallelAcquisitionTechnique": "SENSE", 
  "ParallelReductionFactorIn-plane": "3", 
  "PhaseEncodingDirection": "j-", 
  "PixelBandwidth": "2697", 
  "PixelSpacing": "3x3", 
  "PlaneOrientationSequentialuence": "Axial", 
  "PulseSequenceType": "EPI", 
  "ReceiveCoilName": "8 Chan", 
  "ReceiveCoilType": "Head", 
  "RepetitionTime": 2.5, 
  "ScanOptions": "FS", 
  "SliceAcquisitionOrder": "Sequential Ascending", 
  "SliceEncodingDirection": "k", 
  "SliceThickness": 3.0, 
  "SliceTiming": [
    0.0, 
    53.19, 
    106.38, 
    159.57, 
    212.77, 
    265.96, 
    319.15, 
    372.34, 
    425.53, 
    478.72, 
    531.91, 
    585.11, 
    638.3, 
    691.49, 
    744.68, 
    797.87, 
    851.06, 
    904.26, 
    957.45, 
    1010.64, 
    1063.83, 
    1117.02, 
    1170.21, 
    1223.4, 
    1276.6, 
    1329.79, 
    1382.98, 
    1436.17, 
    1489.36, 
    1542.55, 
    1595.74, 
    1648.94, 
    1702.13, 
    1755.32, 
    1808.51, 
    1861.7, 
    1914.89, 
    1968.09, 
    2021.28, 
    2074.47, 
    2127.66, 
    2180.85, 
    2234.04, 
    2287.23, 
    2340.43, 
    2393.62, 
    2446.81
  ], 
  "SpacingBetweenSlices": 3.0, 
  "TaskDescription": "One resting state fMRI scan was collected either prior or after structural scans (see below for a link of the rest anatomical acquisition order by individual ID). During the resting state scan, children were instructed to relax and focus on a crosshair while remaining as still as possible. During the MPRAGE, children were allowed to watch a movie of their choosing.", 
  "TaskName": "rest"
}