{
  "AcquisitionDuration": "4:21:00", 
  "AcquisitionMatrix": "256x256", 
  "EchoTime": 0.00248, 
  "FieldofViewDimensions": "256x256", 
  "FieldofViewShape": "Rectangle", 
  "FlipAngle": 8, 
  "InversionTime": 1.1, 
  "MagneticFieldStrength": 3, 
  "Manufacturer": "Siemens", 
  "ManufacturersModelName": "Verio", 
  "NumberOfSlices": 176.0, 
  "ParallelAcquisition": "Yes", 
  "ParallelAcquisitionTechnique": "GRAPPA", 
  "ParallelReductionFactorIn-plane": 2.0, 
  "PhaseEncodingDirection": "j-", 
  "PixelBandwidth": 170.0, 
  "PixelSpacing": "1x1", 
  "PlaneOrientationSequence": "Saggital", 
  "ReceiveCoilType": "Head", 
  "RepetitionTime": 1.87, 
  "ScanningSequence": "MPRAGE", 
  "SliceAcquisitionOrder": "Sequential Ascending", 
  "SliceEncodingDirection": "i", 
  "SliceThickness": 1.0, 
  "SpacingBetweenSlices": 1.5
}