{
  "AcquisitionDuration": "4:34", 
  "AcquisitionMatrix": "128x128", 
  "Averages": 1.0, 
  "Diffusionb-value": 1000.0, 
  "EchoTime": "0.089", 
  "FieldofViewDimensions": "282x282", 
  "FieldofViewShape": "Rectangle", 
  "MagneticFieldStrength": "3T", 
  "Manufacturer": "Siemens", 
  "ManufacturersModelName": "TrioTim", 
  "NumberofBZeros": 1.0, 
  "NumberofDirections": 30.0, 
  "NumberofMeasurements": 31, 
  "NumberofSlices": 62.0, 
  "ParallelAcquisition": "On", 
  "ParallelAcquisitionTechnique": "GRAPPA", 
  "ParallelReductionFactorIn-plane": 2.0, 
  "PartialFourier": "6/8", 
  "PixelBandwidth": 1562.0, 
  "PixelSpacing": "2.2x2.2", 
  "PlaneOrientationSequence": "Axial", 
  "PulseSequenceType": "EPI", 
  "ReceiveCoilName": "12 Chan", 
  "ReceiveCoilType": "Head", 
  "RepetitionTime": 8.0, 
  "ScanOptions": "FS, PFP", 
  "SliceAcquisitionOrder": "Interleaved Ascending", 
  "SliceEncodingDirection": "j", 
  "SliceThickness": 2.2, 
  "SpacingBetweenSlices": 2.2
}