{
  "AcquisitionDuration": "7:17", 
  "AcquisitionMatrix": "233x256", 
  "EchoTime": "0.00343", 
  "FieldofViewDimensions": "256x208", 
  "FieldofViewShape": "Rectangle", 
  "FlipAngle": 8, 
  "InversionTime": 1.05, 
  "MagneticFieldStrength": "3T", 
  "Manufacturer": "Siemens", 
  "ManufacturersModelName": "TrioTim", 
  "NumberofSlices": 176, 
  "Orientation": "Axial Oblique", 
  "ParallelAcquisition": "Off", 
  "PhaseEncodingDirection": "i", 
  "PixelBandwidth": 240.0, 
  "PixelSpacing": "1.0x1.0", 
  "PulseSequenceType": "MPRAGE", 
  "ReceiveCoilType": "Head", 
  "RepetitionTime": 2.1, 
  "SliceAcquisitionOrder": "Interleaved Ascending", 
  "SliceEncodingDirection": "k", 
  "SliceThickness": 1.0, 
  "SpacingBetweenSlices": 1.5
}