{
  "AcquisitionDuration": "6:32", 
  "AcquisitionMatrix": "64x64", 
  "EchoTime": 0.03, 
  "FieldofViewDimensions": "240x240", 
  "FieldofViewShape": "Rectangle", 
  "FlipAngle": 90, 
  "Instructions": "Participants were asked to relax, stay still, and stay awake", 
  "MagneticFieldStrength": "3T", 
  "Manufacturer": "Siemens", 
  "ManufacturersModelName": "TrioTim", 
  "NumberOfSlices": 46, 
  "NumberofMeasurements": 128, 
  "Orientation": "Axial", 
  "ParallelAcquisition": "Off", 
  "PhaseEncodingDirection": "j-", 
  "PixelBandwidth": 2232.0, 
  "PixelSpacing": "3.8x3.8", 
  "PulseSequenceType": "EPI", 
  "RepetitionTime": 3.0, 
  "ScanOptions": "FS", 
  "SliceAcquisitionOrder": "Interleaved Ascending", 
  "SliceEncodingDirection": "k", 
  "SliceThickness": 3.5, 
  "SliceTiming": [
    1500.0, 
    0.0, 
    1565.22, 
    65.22, 
    1630.43, 
    130.43, 
    1695.65, 
    195.65, 
    1760.87, 
    260.87, 
    1826.09, 
    326.09, 
    1891.3, 
    391.3, 
    1956.52, 
    456.52, 
    2021.74, 
    521.74, 
    2086.96, 
    586.96, 
    2152.17, 
    652.17, 
    2217.39, 
    717.39, 
    2282.61, 
    782.61, 
    2347.83, 
    847.83, 
    2413.04, 
    913.04, 
    2478.26, 
    978.26, 
    2543.48, 
    1043.48, 
    2608.7, 
    1108.7, 
    2673.91, 
    1173.91, 
    2739.13, 
    1239.13, 
    2804.35, 
    1304.35, 
    2869.57, 
    1369.57, 
    2934.78, 
    1434.78
  ], 
  "SpacingBetweenSlices": 3.5, 
  "TaskDescription": "The projector was turned off so that participants were presented with a blank screen", 
  "TaskName": "rest"
}