{
  "AcquisitionDuration": "5:06", 
  "AcquisitionMatrix": "64x64", 
  "BulkMotionCompensationTechnique": "Tracking", 
  "EchoTime": 0.028999999999999998, 
  "FieldofViewDimensions": "200x200", 
  "FieldofViewShape": "Rectangle", 
  "FlipAngle": 70, 
  "Instructions": "Participants were asked to relax, stay still, and stay awake", 
  "MagneticFieldStrength": "3T", 
  "Manufacturer": "Siemens", 
  "ManufacturersModelName": "TrioTim", 
  "NumberOfSlices": 29, 
  "NumberofMeasurements": 200, 
  "Orientation": "Axial Oblique", 
  "ParallelAcquisition": "On", 
  "ParallelAcquisitionTechnique": "GRAPPA", 
  "ParallelReductionFactorIn-plane": 2.0, 
  "PhaseEncodingDirection": "j", 
  "PixelBandwidth": 2694.0, 
  "PixelSpacing": "3.1x3.1", 
  "PulseSequenceType": "EPI", 
  "RepetitionTime": 1.5, 
  "ScanOptions": "FS", 
  "SliceAcquisitionOrder": "Interleaved Ascending", 
  "SliceEncodingDirection": "k", 
  "SliceThickness": 4.0, 
  "SliceTiming": [
    0.0, 
    775.86, 
    51.72, 
    827.59, 
    103.45, 
    879.31, 
    155.17, 
    931.03, 
    206.9, 
    982.76, 
    258.62, 
    1034.48, 
    310.34, 
    1086.21, 
    362.07, 
    1137.93, 
    413.79, 
    1189.66, 
    465.52, 
    1241.38, 
    517.24, 
    1293.1, 
    568.97, 
    1344.83, 
    620.69, 
    1396.55, 
    672.41, 
    1448.28, 
    724.14
  ], 
  "SpacingBetweenSlices": 4.0, 
  "TaskDescription": "The projector was turned off so that participants were presented with a blank screen", 
  "TaskName": "rest"
}