{
  "AcquisitionDuration": "7:36", 
  "AcquisitionMatrix": "256x240", 
  "EchoTime": "0.00298", 
  "FieldofViewDimensions": "256x240", 
  "FieldofViewShape": "Rectangle", 
  "FlipAngle": 9, 
  "InversionTime": 0.9, 
  "MagneticFieldStrength": "3T", 
  "Manufacturer": "Siemens", 
  "ManufacturersModelName": "TrioTim", 
  "NumberofSlices": 160, 
  "Orientation": "Saggital", 
  "ParallelAcquisition": "Off", 
  "PartialFourier": "8-Jul", 
  "PhaseEncodingDirection": "j-", 
  "PixelBandwidth": 230.0, 
  "PixelSpacing": "1.0x1.0", 
  "PulseSequenceType": "MPRAGE", 
  "ReceiveCoilType": "Head", 
  "RepetitionTime": 2.25, 
  "ScanOptions": "PFP", 
  "SliceAcquisitionOrder": "Interleaved Ascending", 
  "SliceEncodingDirection": "i", 
  "SliceThickness": 1.0, 
  "SpacingBetweenSlices": 1.5
}