{
  "AcquisitionDuration": "8:36", 
  "AcquisitionMatrix": "64x64", 
  "EchoTime": 0.025, 
  "FieldofViewDimensions": "192x192", 
  "FieldofViewShape": "Rectangle", 
  "FlipAngle": 90, 
  "Instructions": "Participants were asked to keep their eyes open and relax.", 
  "MagneticFieldStrength": "3T", 
  "Manufacturer": "Siemens", 
  "ManufacturersModelName": "TrioTim", 
  "NumberOfSlices": 35, 
  "NumberofMeasurements": 256, 
  "Orientation": "Axial", 
  "ParallelAcquisition": "Off", 
  "PhaseEncodingDirection": "j-", 
  "PixelBandwidth": 3126.0, 
  "PixelSpacing": "3.0x3.0", 
  "PulseSequenceType": "EPI", 
  "RepetitionTime": 2.0, 
  "ScanOptions": "FS", 
  "SliceAcquisitionOrder": "Interleaved Ascending", 
  "SliceEncodingDirection": "k", 
  "SliceThickness": 3.0, 
  "SliceTiming": [
    0.0, 
    1028.57, 
    57.14, 
    1085.71, 
    114.29, 
    1142.86, 
    171.43, 
    1200.0, 
    228.57, 
    1257.14, 
    285.71, 
    1314.29, 
    342.86, 
    1371.43, 
    400.0, 
    1428.57, 
    457.14, 
    1485.71, 
    514.29, 
    1542.86, 
    571.43, 
    1600.0, 
    628.57, 
    1657.14, 
    685.71, 
    1714.29, 
    742.86, 
    1771.43, 
    800.0, 
    1828.57, 
    857.14, 
    1885.71, 
    914.29, 
    1942.86, 
    971.43
  ], 
  "SpacingBetweenSlices": 3.0, 
  "TaskDescription": "A screen is presented to the participant with the text \"relax\"", 
  "TaskName": "rest"
}