{
  "AcquisitionDuration": "9:14", 
  "AcquisitionMatrix": "256x240", 
  "EchoTime": "0.00358", 
  "FieldofViewDimensions": "256x240", 
  "FieldofViewShape": "Rectangle", 
  "FlipAngle": 10, 
  "InversionTime": 0.9, 
  "MagneticFieldStrength": "3T", 
  "Manufacturer": "Siemens", 
  "ManufacturersModelName": "TrioTim", 
  "NumberofSlices": 160, 
  "Orientation": "Saggital", 
  "ParallelAcquisition": "Off", 
  "PhaseEncodingDirection": "j-", 
  "PixelBandwidth": 180.0, 
  "PixelSpacing": "1.0x1.0", 
  "PulseSequenceType": "MPRAGE", 
  "ReceiveCoilType": "Head", 
  "RepetitionTime": 2.3, 
  "SliceAcquisitionOrder": "Interleaved Ascending", 
  "SliceEncodingDirection": "i", 
  "SliceThickness": 1.1, 
  "SpacingBetweenSlices": 1.65
}