{
  "AcquisitionDuration": "5:44", 
  "AcquisitionMatrix": "64x64", 
  "EchoTime": 0.03, 
  "FieldofViewDimensions": "200x200", 
  "FieldofViewShape": "Rectangle", 
  "FlipAngle": 90, 
  "Instructions": "Lie Still and Relax During Scan", 
  "MagneicFieldStrength": 3, 
  "Manufacturer": "Siemens", 
  "ManufacturersModelName": "TrioTim", 
  "NumberOfSlices": 33, 
  "NumberofMeasurements": 170, 
  "ParallelAcquisition": "No", 
  "PhaseEncodingDirection": "k", 
  "PixelBandwidth": 2298.0, 
  "PixelSpacing": "3.1x3.1", 
  "PlaneOrientationSequence": "Coronal", 
  "PulseSequenceType": "EPI", 
  "ReceiveCoilName": "12 Chan", 
  "ReceiveCoilType": "Head", 
  "RepetitionTime": 2.0, 
  "ScanOptions": "FS", 
  "SliceAcquisitionOrder": "Interleaved Ascending", 
  "SliceEncodingDirection": "j-", 
  "SliceThickness": 5.0, 
  "SliceTiming": [
    0.0, 
    1030.3, 
    60.61, 
    1090.91, 
    121.21, 
    1151.52, 
    181.82, 
    1212.12, 
    242.42, 
    1272.73, 
    303.03, 
    1333.33, 
    363.64, 
    1393.94, 
    424.24, 
    1454.55, 
    484.85, 
    1515.15, 
    545.45, 
    1575.76, 
    606.06, 
    1636.36, 
    666.67, 
    1696.97, 
    727.27, 
    1757.58, 
    787.88, 
    1818.18, 
    848.48, 
    1878.79, 
    909.09, 
    1939.39, 
    969.7
  ], 
  "SpacingBetweenSlices": 5.0, 
  "TaskDescription": "In the control group, each participant was scanned three times (separated at least 10 minutes for scan 1 and scan 2, and 40 minutes for scan 2 and scan 3). In the exercise group, each participant underwent two scans at least 10 minutes apart. During scanning, subjects were instructed to keep their eyes closed, relax and move as little as possible. ", 
  "TaskName": "rest"
}