{
  "AcquisitionDuration": "3:25:00", 
  "AcquisitionMatrix": "320x320", 
  "EchoTime": "0.00288", 
  "FieldofViewDimensions": "256x176", 
  "FieldofViewShape": "Rectangle", 
  "FlipAngle": 13, 
  "InversionTime": 0.794, 
  "MagneticFieldStrength": 3.0, 
  "Manufacturer": "Siemens", 
  "ManufacturersModelName": "Skyra", 
  "NumberOfSlices": 208, 
  "ParallelAcquisition": "Yes", 
  "ParallelAcquisitionTechnique": "GRAPPA", 
  "ParallelReductionFactorIn-plane": 3.0, 
  "PhaseEncodingDirection": "i", 
  "PixelBandwidth": 200.0, 
  "PixelSpacing": "0.8x0.8", 
  "PlaneOrientationSequence": "Axial", 
  "ReceiveCoilName": "32 Chan", 
  "ReceiveCoilType": "Head", 
  "RepetitionTime": "2.2", 
  "ScanningSequence": "MPRAGE", 
  "SliceAcquisitionOrder": "Interleaved Ascending", 
  "SliceEncodingDirection": "k", 
  "SliceThickness": 0.8, 
  "SpacingBetweenSlices": 1.2
}