{
  "AcquisitionDuration": "8:09", 
  "AcquisitionMatrix": "256x256", 
  "EchoTime": "0.00308", 
  "FieldofViewDimensions": "256x256", 
  "FieldofViewShape": "Rectangle", 
  "FlipAngle": 8, 
  "InversionTime": 1.0, 
  "MagneticFieldStrength": "3T", 
  "Manufacturer": "Siemens", 
  "ManufacturersModelName": "TrioTim", 
  "NumberofSlices": 256, 
  "Orientation": "Saggital", 
  "ParallelAcquisition": "On", 
  "ParallelAcquisitionTechnique": "GRAPPA", 
  "ParallelReductionFactorIn-plane": 2.0, 
  "PhaseEncodingDirection": "j-", 
  "PixelBandwidth": 220.0, 
  "PixelSpacing": "1.0x1.0", 
  "PulseSequenceType": "MPRAGE", 
  "ReceiveCoilType": "Head", 
  "RepetitionTime": 2.4, 
  "SliceAcquisitionOrder": "Sequential Ascending", 
  "SliceEncodingDirection": "i", 
  "SliceThickness": 1.0, 
  "SpacingBetweenSlices": 1.5
}