{
  "AcquisitionMatrix": "64x64", 
  "EchoTime": 0.027000000000000003, 
  "FieldofViewDimensions": "256x256", 
  "FieldofViewShape": "Rectangle", 
  "FlipAngle": 90, 
  "Instructions": "All of these subjects were instructed to keep their eyes open and generally on the fixation cross.", 
  "MagneticFieldStrength": "3T", 
  "Manufacturer": "Siemens", 
  "ManufacturersModelName": "TrioTim", 
  "NumberOfSlices": 32, 
  "NumberofMeasurements": 133, 
  "Orientation": "Axial Oblique", 
  "ParallelAcquisition": "Off", 
  "PhaseEncodingDirection": "j-", 
  "PixelBandwidth": 1906.0, 
  "PixelSpacing": "4.0x4.0", 
  "PulseSequenceType": "EPI", 
  "RepetitionTime": 2.5, 
  "ScanOptions": "FS", 
  "SliceAcquisitionOrder": "Interleaved Ascending", 
  "SliceEncodingDirection": "k", 
  "SliceThickness": 4.0, 
  "SliceTiming": [
    1250.0, 
    0.0, 
    1328.13, 
    78.13, 
    1406.25, 
    156.25, 
    1484.38, 
    234.38, 
    1562.5, 
    312.5, 
    1640.63, 
    390.63, 
    1718.75, 
    468.75, 
    1796.88, 
    546.88, 
    1875.0, 
    625.0, 
    1953.13, 
    703.13, 
    2031.25, 
    781.25, 
    2109.38, 
    859.38, 
    2187.5, 
    937.5, 
    2265.63, 
    1015.63, 
    2343.75, 
    1093.75, 
    2421.88, 
    1171.88
  ], 
  "SpacingBetweenSlices": 4.0, 
  "TaskDescription": "study 1 collected 3 minute runs of fixation as well as 5 minute runs of movie watching", 
  "TaskName": "rest"
}