{
  "AcquisitionDuration": "8:07", 
  "AcquisitionMatrix": "256x192", 
  "EchoTime": "0.00339", 
  "FieldofViewDimensions": "256x256", 
  "FieldofViewShape": "Rectangle", 
  "FlipAngle": 7, 
  "InversionTime": 1.1, 
  "MagneticFieldStrength": "3T", 
  "Manufacturer": "Siemens", 
  "ManufacturersModelName": "TrioTim", 
  "NumberofSlices": 128, 
  "Orientation": "Saggital", 
  "ParallelAcquisition": "Off", 
  "PhaseEncodingDirection": "j-", 
  "PixelBandwidth": 190.0, 
  "PixelSpacing": "1.3x1.0", 
  "PulseSequenceType": "MPRAGE", 
  "ReceiveCoilType": "Head", 
  "RepetitionTime": 2.53, 
  "SliceAcquisitionOrder": "Interleaved Ascending", 
  "SliceEncodingDirection": "i", 
  "SliceThickness": 1.3, 
  "SpacingBetweenSlices": 1.95
}