{
  "AcquisitionDuration": "8:06", 
  "AcquisitionMatrix": "64x64", 
  "EchoTime": 0.03, 
  "FieldofViewDimensions": "200x200", 
  "FieldofViewShape": "Rectangle", 
  "FlipAngle": 90, 
  "Instructions": "Participants were asked to relax, stay still, and either keep their eyes open or closed", 
  "MagneticFieldStrength": "3T", 
  "Manufacturer": "Siemens", 
  "ManufacturersModelName": "TrioTim", 
  "NumberOfSlices": 33, 
  "NumberofMeasurements": 240, 
  "Orientation": "Axial", 
  "ParallelAcquisition": "Off", 
  "PhaseEncodingDirection": "j-", 
  "PixelBandwidth": 2520.0, 
  "PixelSpacing": "3.1x3.1", 
  "PulseSequenceType": "EPI", 
  "RepetitionTime": 2.5, 
  "ScanOptions": "FS", 
  "SliceAcquisitionOrder": "Interleaved Ascending", 
  "SliceEncodingDirection": "k", 
  "SliceThickness": 3.5, 
  "SliceTiming": [
    0.0, 
    1287.88, 
    75.76, 
    1363.64, 
    151.52, 
    1439.39, 
    227.27, 
    1515.15, 
    303.03, 
    1590.91, 
    378.79, 
    1666.67, 
    454.55, 
    1742.42, 
    530.3, 
    1818.18, 
    606.06, 
    1893.94, 
    681.82, 
    1969.7, 
    757.58, 
    2045.45, 
    833.33, 
    2121.21, 
    909.09, 
    2196.97, 
    984.85, 
    2272.73, 
    1060.61, 
    2348.48, 
    1136.36, 
    2424.24, 
    1212.12
  ], 
  "SpacingBetweenSlices": 4.2, 
  "TaskDescription": "A black screen with a white fixation cross was displayed during the scan", 
  "TaskName": "rest"
}