{
  "AcquisitionDuration": "4:54:00", 
  "AcquisitionMatrix": "256x192", 
  "EchoTime": "0.003172", 
  "FieldofViewDimensions": "256x256", 
  "FieldofViewShape": "Rectangle", 
  "FlipAngle": 8, 
  "InversionTime": 0.6, 
  "MagneticFieldStrength": 3.0, 
  "Manufacturer": "GE", 
  "ManufacturersModelName": "MR750", 
  "NumberOfSlices": 172, 
  "ParallelAcquisition": "No", 
  "PhaseEncodingDirection": "j-", 
  "PixelBandwidth": 244.141, 
  "PixelSpacing": "1x1", 
  "PlaneOrientationSequence": "Sagittal", 
  "ReceiveCoilName": "8 Chan", 
  "ReceiveCoilType": "Head", 
  "RepetitionTime": "0.008136", 
  "ScanningSequence": "3D SPGR", 
  "SliceAcquisitionOrder": "Interleaved Ascending", 
  "SliceEncodingDirection": "i", 
  "SliceThickness": 1.0, 
  "SpacingBetweenSlices": 2.0
}