{
  "AcquisitionDuration": "15:15", 
  "AcquisitionMatrix": "128x128", 
  "BulkMotionCompensationTechnique": "Tracking", 
  "EchoTime": 0.017, 
  "FieldofViewDimensions": "192x192", 
  "FieldofViewShape": "Rectangle", 
  "FlipAngle": 70, 
  "Instructions": "relax keep awake with eyes open", 
  "MagneicFieldStrength": 7, 
  "Manufacturer": "Siemens", 
  "ManufacturersModelName": "Magentom", 
  "NumberOfSlices": 70, 
  "NumberofMeasurements": 300, 
  "ParallelAcquisition": "Yes", 
  "ParallelAcquisitionTechnique": "GRAPPA", 
  "ParallelReductionFactorIn-plane": 3.0, 
  "PhaseEncodingDirection": "j-", 
  "PixelBandwidth": 1116.0, 
  "PixelSpacing": "1.5x1.5", 
  "PlaneOrientationSequence": "Axial", 
  "PulseSequenceType": "EPI", 
  "ReceiveCoilType": "Head", 
  "RepetitionTime": 3.0, 
  "SliceAcquisitionOrder": "Interleaved Ascending", 
  "SliceEncodingDirection": "k", 
  "SliceThickness": 1.5, 
  "SliceTiming": [
    1500.0, 
    0.0, 
    1542.86, 
    42.86, 
    1585.71, 
    85.71, 
    1628.57, 
    128.57, 
    1671.43, 
    171.43, 
    1714.29, 
    214.29, 
    1757.14, 
    257.14, 
    1800.0, 
    300.0, 
    1842.86, 
    342.86, 
    1885.71, 
    385.71, 
    1928.57, 
    428.57, 
    1971.43, 
    471.43, 
    2014.29, 
    514.29, 
    2057.14, 
    557.14, 
    2100.0, 
    600.0, 
    2142.86, 
    642.86, 
    2185.71, 
    685.71, 
    2228.57, 
    728.57, 
    2271.43, 
    771.43, 
    2314.29, 
    814.29, 
    2357.14, 
    857.14, 
    2400.0, 
    900.0, 
    2442.86, 
    942.86, 
    2485.71, 
    985.71, 
    2528.57, 
    1028.57, 
    2571.43, 
    1071.43, 
    2614.29, 
    1114.29, 
    2657.14, 
    1157.14, 
    2700.0, 
    1200.0, 
    2742.86, 
    1242.86, 
    2785.71, 
    1285.71, 
    2828.57, 
    1328.57, 
    2871.43, 
    1371.43, 
    2914.29, 
    1414.29, 
    2957.14, 
    1457.14
  ], 
  "SpacingBetweenSlices": 1.5, 
  "TaskDescription": "two sessions one week apart", 
  "TaskName": "rest"
}