{
  "AcquisitionDuration": "10:06", 
  "AcquisitionMatrix": "200x60", 
  "BulkMotionCompensationTechnique": "Tracking", 
  "EchoTime": 0.026000000000000002, 
  "FieldofViewDimensions": "150x45", 
  "FieldofViewShape": "Rectangle", 
  "FlipAngle": 70, 
  "Instructions": "relax keep awake with eyes open", 
  "MagneicFieldStrength": 7, 
  "Manufacturer": "Siemens", 
  "ManufacturersModelName": "Magentom", 
  "NumberOfSlices": 40, 
  "NumberofMeasurements": 150, 
  "ParallelAcquisition": "No", 
  "PartialFourier": "8-Jun", 
  "PhaseEncodingDirection": "j-", 
  "PixelBandwidth": 1042.0, 
  "PixelSpacing": "0.8x0.8", 
  "PlaneOrientationSequence": "Axial", 
  "PulseSequenceType": "EPI", 
  "ReceiveCoilType": "Head", 
  "RepetitionTime": 4.0, 
  "ScanOptions": "PFP", 
  "SliceAcquisitionOrder": "Interleaved Descending", 
  "SliceEncodingDirection": "k", 
  "SliceThickness": 0.8, 
  "SliceTiming": [
    1900.0, 
    3900.0, 
    1800.0, 
    3800.0, 
    1700.0, 
    3700.0, 
    1600.0, 
    3600.0, 
    1500.0, 
    3500.0, 
    1400.0, 
    3400.0, 
    1300.0, 
    3300.0, 
    1200.0, 
    3200.0, 
    1100.0, 
    3100.0, 
    1000.0, 
    3000.0, 
    900.0, 
    2900.0, 
    800.0, 
    2800.0, 
    700.0, 
    2700.0, 
    600.0, 
    2600.0, 
    500.0, 
    2500.0, 
    400.0, 
    2400.0, 
    300.0, 
    2300.0, 
    200.0, 
    2200.0, 
    100.0, 
    2100.0, 
    0.0, 
    2000.0
  ], 
  "SpacingBetweenSlices": 0.8, 
  "TaskDescription": "two sessions one week apart", 
  "TaskName": "rest"
}