{
  "AcquisitionDuration": "6:04", 
  "AcquisitionMatrix": "64x64", 
  "EchoTime": 0.03, 
  "FieldofViewDimensions": "224x224", 
  "FieldofViewShape": "Rectangle", 
  "FlipAngle": 90, 
  "Instructions": "Lie Still and Relax During Scan", 
  "MagneicFieldStrength": 3, 
  "Manufacturer": "GE", 
  "ManufacturersModelName": "Discovery MR750", 
  "NumberOfSlices": 37, 
  "NumberofMeasurements": 180, 
  "ParallelAcquisition": "No", 
  "PhaseEncodingDirection": "j-", 
  "PixelBandwidth": 250.0, 
  "PixelSpacing": "3.5x3.5", 
  "PlaneOrientationSequence": "Axial", 
  "PulseSequenceType": "EPI", 
  "ReceiveCoilName": "8 Chan", 
  "ReceiveCoilType": "Head", 
  "RepetitionTime": 2.0, 
  "ScanOptions": "FS", 
  "SliceAcquisitionOrder": "Interleaved Ascending", 
  "SliceEncodingDirection": "k", 
  "SliceThickness": 3.5, 
  "SliceTiming": [
    0.0, 
    1027.03, 
    54.05, 
    1081.08, 
    108.11, 
    1135.14, 
    162.16, 
    1189.19, 
    216.22, 
    1243.24, 
    270.27, 
    1297.3, 
    324.32, 
    1351.35, 
    378.38, 
    1405.41, 
    432.43, 
    1459.46, 
    486.49, 
    1513.51, 
    540.54, 
    1567.57, 
    594.59, 
    1621.62, 
    648.65, 
    1675.68, 
    702.7, 
    1729.73, 
    756.76, 
    1783.78, 
    810.81, 
    1837.84, 
    864.86, 
    1891.89, 
    918.92, 
    1945.95, 
    972.97
  ], 
  "SpacingBetweenSlices": 3.5, 
  "TaskDescription": "Subjects completed a modified version of the 2-cannon task (Tamborello et al. 2012). There were two resting-state blocks in each experiment, one before the task blocks and the other after the task blocks . During functional scanning, subjects were presented with a fixation cross and instructed to keep their eyes open, stare at the fixation, relax and move as little as possible.", 
  "TaskName": "rest"
}