{
  "AcquisitionDuration": "6:21", 
  "AcquisitionMatrix": "256x256", 
  "EchoTime": "0.00295", 
  "FieldofViewDimensions": "256x256", 
  "FieldofViewShape": "Rectangle", 
  "FlipAngle": 7, 
  "InversionTime": 1.0, 
  "MagneticFieldStrength": "1.5T", 
  "Manufacturer": "Siemens", 
  "ManufacturersModelName": "Avanto", 
  "NumberofSlices": 176, 
  "Orientation": "Saggital Oblique", 
  "ParallelAcquisition": "On", 
  "ParallelAcquisitionTechnique": "GRAPPA", 
  "ParallelReductionFactorIn-plane": 2.0, 
  "PhaseEncodingDirection": "j-", 
  "PixelBandwidth": 140.0, 
  "PixelSpacing": "1.0x1.0", 
  "ReceiveCoilType": "Head", 
  "RepetitionTime": 2.73, 
  "SliceAcquisitionOrder": "Sequential Ascending", 
  "SliceEncodingDirection": "i", 
  "SliceThickness": 1.0, 
  "SpacingBetweenSlices": 1.5
}