{
  "AcquisitionDuration": "8:47", 
  "AcquisitionMatrix": "64x64", 
  "EchoTime": 0.04, 
  "FieldofViewDimensions": "224x224", 
  "FieldofViewShape": "Rectangle", 
  "FlipAngle": 80, 
  "Instructions": "Participants were asked to think of nothing in particular while keeping their eyes closed.", 
  "MagneticFieldStrength": "1.5T", 
  "Manufacturer": "Siemens", 
  "ManufacturersModelName": "Avanto", 
  "NumberOfSlices": 37, 
  "NumberofMeasurements": 266, 
  "Orientation": "Axial Oblique", 
  "ParallelAcquisition": "On", 
  "ParallelAcquisitionTechnique": "GRAPPA", 
  "ParallelReductionFactorIn-plane": 2.0, 
  "PhaseEncodingDirection": "j-", 
  "PixelBandwidth": 1628.0, 
  "PixelSpacing": "3.5x3.5", 
  "PulseSequenceType": "EPI", 
  "RepetitionTime": 1.96, 
  "SliceAcquisitionOrder": "Interleaved Ascending", 
  "SliceEncodingDirection": "k", 
  "SliceThickness": 3.0, 
  "SliceTiming": [
    0.0, 
    1006.49, 
    52.97, 
    1059.46, 
    105.95, 
    1112.43, 
    158.92, 
    1165.41, 
    211.89, 
    1218.38, 
    264.86, 
    1271.35, 
    317.84, 
    1324.32, 
    370.81, 
    1377.3, 
    423.78, 
    1430.27, 
    476.76, 
    1483.24, 
    529.73, 
    1536.22, 
    582.7, 
    1589.19, 
    635.68, 
    1642.16, 
    688.65, 
    1695.14, 
    741.62, 
    1748.11, 
    794.59, 
    1801.08, 
    847.57, 
    1854.05, 
    900.54, 
    1907.03, 
    953.51
  ], 
  "SpacingBetweenSlices": 3.51, 
  "TaskDescription": "No visual stimulus was presented during the scan.", 
  "TaskName": "rest"
}