{
  "AcquisitionDuration": "8:20", 
  "AcquisitionMatrix": "64x64", 
  "EchoTime": 0.03, 
  "FieldofViewDimensions": "240x240", 
  "FieldofViewShape": "Rectangle", 
  "FlipAngle": 90, 
  "Instructions": "Lie Still and Relax During Scan", 
  "MagneicFieldStrength": 3, 
  "Manufacturer": "Siemens", 
  "ManufacturersModelName": "TrioTim", 
  "Notes": "Data Reconstructed at 1.65x1.65 in plane resolution", 
  "NumberOfSlices": 30, 
  "NumberofMeasurements": 250, 
  "ParallelAcquisition": "No", 
  "PhaseEncodingDirection": "j-", 
  "PixelBandwidth": 2230.0, 
  "PixelSpacing": "3.75x3.75", 
  "PlaneOrientationSequence": "Axial", 
  "PulseSequenceType": "EPI", 
  "ReceiveCoilName": "8 Chan", 
  "ReceiveCoilType": "Head", 
  "RepetitionTime": 2.0, 
  "ScanOptions": "FS", 
  "SliceAcquisitionOrder": "Interleaved Ascending", 
  "SliceEncodingDirection": "k", 
  "SliceThickness": 4.0, 
  "SliceTiming": [
    1000.0, 
    0.0, 
    1066.67, 
    66.67, 
    1133.33, 
    133.33, 
    1200.0, 
    200.0, 
    1266.67, 
    266.67, 
    1333.33, 
    333.33, 
    1400.0, 
    400.0, 
    1466.67, 
    466.67, 
    1533.33, 
    533.33, 
    1600.0, 
    600.0, 
    1666.67, 
    666.67, 
    1733.33, 
    733.33, 
    1800.0, 
    800.0, 
    1866.67, 
    866.67, 
    1933.33, 
    933.33
  ], 
  "SpacingBetweenSlices": 4.4, 
  "TaskName": "rest"
}