{
  "AcquisitionDuration": "8:07:00", 
  "AcquisitionMatrix": "256x192", 
  "EchoTime": 0.00325, 
  "FieldofViewDimensions": "256x256", 
  "FieldofViewShape": "Rectangle", 
  "FlipAngle": 7, 
  "InversionTime": 1.1, 
  "MagneticFieldStrength": 3, 
  "Manufacturer": "Siemens", 
  "ManufacturersModelName": "Allegra", 
  "NumberOfSlices": 128.0, 
  "ParallelAcquisition": "No", 
  "PhaseEncodingDirection": "j-", 
  "PixelBandwidth": 200.0, 
  "PixelSpacing": "1.3x1", 
  "PlaneOrientationSequence": "Saggital", 
  "ReceiveCoilType": "Head", 
  "RepetitionTime": 2.53, 
  "ScanningSequence": "MPRAGE", 
  "SliceAcquisitionOrder": "Sequential Ascending", 
  "SliceEncodingDirection": "i", 
  "SliceThickness": 1.3, 
  "SpacingBetweenSlices": 1.95
}