{
  "AcquisitionDuration": "5:10", 
  "AcquisitionMatrix": "80x80", 
  "EchoTime": 0.035, 
  "FieldofViewDimensions": "240x240", 
  "FieldofViewShape": "Rectangle", 
  "FlipAngle": 90, 
  "MagneicFieldStrength": 3, 
  "Manufacturer": "Philips", 
  "NumberOfSlices": 36, 
  "NumberofMeasurements": 120, 
  "ParallelAcquisition": "Yes", 
  "ParallelAcquisitionTechnique": "SENSE", 
  "ParallelReductionFactorIn-plane": 2.0, 
  "ParallelReductionFactorout-of-plane": 1.0, 
  "PhaseEncodingDirection": "j-", 
  "PixelBandwidth": 3625.0, 
  "PixelSpacing": "3.0x3.0", 
  "PlaneOrientationSequence": "Axial", 
  "PulseSequenceType": "EPI", 
  "ReceiveCoilName": "32 Chan", 
  "ReceiveCoilType": "Head", 
  "RepetitionTime": 2.5, 
  "ScanOptions": "FS", 
  "SliceThickness": 3.5, 
  "SpacingBetweenSlices": 4.0, 
  "TaskName": "rest"
}