{
  "AcquisitionDuration": "6:06", 
  "AcquisitionMatrix": "64x64", 
  "EchoTime": 0.03, 
  "FieldofViewDimensions": "192x192", 
  "FieldofViewShape": "Rectangle", 
  "FlipAngle": 80, 
  "Instructions": "Keep your eyes closed without falling asleep and do not think of anything in particular.", 
  "MagneicFieldSrengh": 3, 
  "Manufacturer": "Siemens", 
  "ManufacturersModelName": "TrioTim", 
  "NumberOfSlices": 36, 
  "NumberofMeasurements": 120, 
  "ParallelAcquisition": "No", 
  "PhaseEncodingDirection": "j-", 
  "PixelBandwidth": 2232.0, 
  "PixelSpacing": "3.0x3.0", 
  "PlaneOrientationSequence": "Axial", 
  "PulseSequenceType": "EPI", 
  "ReceiveCoilName": "12 Chan", 
  "ReceiveCoilType": "Head", 
  "RepetitionTime": 3.0, 
  "ScanOptions": "FS", 
  "SliceAcquisitionOrder": "Interleaved Ascending", 
  "SliceEncodingDirection": "k", 
  "SliceThickness": 4.0, 
  "SliceTiming": [
    1500.0, 
    0.0, 
    1583.33, 
    83.33, 
    1666.67, 
    166.67, 
    1750.0, 
    250.0, 
    1833.33, 
    333.33, 
    1916.67, 
    416.67, 
    2000.0, 
    500.0, 
    2083.33, 
    583.33, 
    2166.67, 
    666.67, 
    2250.0, 
    750.0, 
    2333.33, 
    833.33, 
    2416.67, 
    916.67, 
    2500.0, 
    1000.0, 
    2583.33, 
    1083.33, 
    2666.67, 
    1166.67, 
    2750.0, 
    1250.0, 
    2833.33, 
    1333.33, 
    2916.67, 
    1416.67
  ], 
  "SpacingBetweenSlices": 4.4, 
  "TaskName": "rest"
}