{
  "AcquisitionDuration": "8:57", 
  "AcquisitionMatrix": "64x64", 
  "BulkMotionCompensationTechnique": "Tracking", 
  "EchoTime": 0.03, 
  "FieldofViewDimensions": "240x240", 
  "FieldofViewShape": "Rectangle", 
  "FlipAngle": 90, 
  "Instructions": "Lie Still and Relax During Scan.", 
  "MagneicFieldStrength": 3, 
  "Manufacturer": "Siemens", 
  "ManufacturersModelName": "TrioTim", 
  "NumberOfSlices": 32, 
  "NumberofMeasurements": 212, 
  "ParallelAcquisition": "No", 
  "PhaseEncodingDirection": "j-", 
  "PixelBandwidth": 2232.0, 
  "PixelSpacing": "3.8x3.8", 
  "PlaneOrientationSequence": "Axial", 
  "PulseSequenceType": "EPI", 
  "ReceiveCoilName": "32 Chan", 
  "ReceiveCoilType": "Head", 
  "RepetitionTime": 2.5, 
  "ScanOptions": "FS", 
  "SliceAcquisitionOrder": "Interleaved Ascending", 
  "SliceEncodingDirection": "k", 
  "SliceThickness": 3.0, 
  "SliceTiming": [
    1250.0, 
    0.0, 
    1328.13, 
    78.13, 
    1406.25, 
    156.25, 
    1484.38, 
    234.38, 
    1562.5, 
    312.5, 
    1640.63, 
    390.63, 
    1718.75, 
    468.75, 
    1796.88, 
    546.88, 
    1875.0, 
    625.0, 
    1953.13, 
    703.13, 
    2031.25, 
    781.25, 
    2109.38, 
    859.38, 
    2187.5, 
    937.5, 
    2265.63, 
    1015.63, 
    2343.75, 
    1093.75, 
    2421.88, 
    1171.88
  ], 
  "SpacingBetweenSlices": 3.99, 
  "TaskDescription": "During scanning, subjects were instructed to keep their eyes closed, relax and move as little as possible.", 
  "TaskName": "rest"
}