{
  "AcquisitionDuration": "8:06", 
  "AcquisitionMatrix": "256x256", 
  "EchoTime": "0.00433", 
  "FieldofViewDimensions": "256x256", 
  "FieldofViewShape": "Rectangle", 
  "FlipAngle": 7, 
  "InversionTime": 1.1, 
  "MagneticFieldStrength": "3T", 
  "Manufacturer": "Siemens", 
  "ManufacturersModelName": "TrioTIm", 
  "NumberOfSlices": 160, 
  "ParallelAcquisition": "No", 
  "PartialFourier": "8-Jul", 
  "PhaseEncodingDirection": "j-", 
  "PixelBandwidth": 140.0, 
  "PixelSpacing": "1.0x1.0", 
  "PlaneOrientationSequence": "Saggital", 
  "RepetitionTime": 2.17, 
  "ScanOptions": "FS, PFP", 
  "SliceAcquisitionOrder": "Interleaved Ascending", 
  "SliceEncodingDirection": "k", 
  "SliceThickness": 1.2, 
  "SpacingBetweenSlices": 1.8
}