{
  "AcquisitionDuration": "6:04", 
  "AcquisitionMatrix": "64x64", 
  "EchoTime": 0.03, 
  "FieldofViewDimensions": "220x220", 
  "FieldofViewShape": "Rectangle", 
  "FlipAngle": 77, 
  "Instructions": "For the next six minutes we ask you to relax and remain still while keeping your eyes open, even though you don't have to do anything specific during this part. ", 
  "MagneicFieldStrength": "3T", 
  "Manufacturer": "Siemens", 
  "ManufacturersModelName": "TrioTim", 
  "NumberOfSlices": 32, 
  "NumberofMeasurements": 180, 
  "ParallelAcquisition": "Off", 
  "PhaseEncodingDirection": "j", 
  "PixelBandwidth": 2442.0, 
  "PixelSpacing": "3.4x3.4", 
  "PlaneOrientationSequentialuence": "Axial", 
  "PulseSequenceType": "EPI", 
  "ReceiveCoilType": "Head", 
  "RepetitionTime": 2, 
  "ScanOptions": "FS", 
  "SliceAcquisitionOrder": "Interleaved Ascending", 
  "SliceEncodingDirection": "k", 
  "SliceThickness": 4.0, 
  "SliceTiming": [
    1000.0, 
    0.0, 
    1062.5, 
    62.5, 
    1125.0, 
    125.0, 
    1187.5, 
    187.5, 
    1250.0, 
    250.0, 
    1312.5, 
    312.5, 
    1375.0, 
    375.0, 
    1437.5, 
    437.5, 
    1500.0, 
    500.0, 
    1562.5, 
    562.5, 
    1625.0, 
    625.0, 
    1687.5, 
    687.5, 
    1750.0, 
    750.0, 
    1812.5, 
    812.5, 
    1875.0, 
    875.0, 
    1937.5, 
    937.5
  ], 
  "SpacingBetweenSlices": 5.0, 
  "TaskName": "rest"
}