{
  "AcquisitionDuration": "9:14:00", 
  "AcquisitionMatrix": "256x256", 
  "EchoTime": "0.00291", 
  "FieldofViewDimensions": "256x240", 
  "FieldofViewShape": "Rectangle", 
  "FlipAngle": 9, 
  "InversionTime": 0.9, 
  "MagneticFieldStrength": 3.0, 
  "Manufacturer": "Siemens", 
  "ManufacturersModelName": "TriTim", 
  "NumberOfSlices": 160, 
  "ParallelAcquisition": "No", 
  "PhaseEncodingDirection": "j-", 
  "PixelBandwidth": 240.0, 
  "PixelSpacing": "1x1", 
  "PlaneOrientationSequence": "Sagittal", 
  "ReceiveCoilType": "Head", 
  "RepetitionTime": "0.9", 
  "ScanningSequence": "MPRAGE", 
  "SliceAcquisitionOrder": "Interleaved Ascending", 
  "SliceEncodingDirection": "i", 
  "SliceThickness": 1.2, 
  "SpacingBetweenSlices": 1.8
}