{
  "AcquisitionDuration": "9:14:00", 
  "AcquisitionMatrix": "256x256", 
  "EchoTime": "0.00358", 
  "FieldofViewDimensions": "256x240", 
  "FieldofViewShape": "Rectangle", 
  "FlipAngle": 10, 
  "InversionTime": 0.9, 
  "MagneticFieldStrength": 3.0, 
  "Manufacturer": "Siemens", 
  "ManufacturersModelName": "TriTim", 
  "NumberOfSlices": 160, 
  "ParallelAcquisition": "No", 
  "PhaseEncodingDirection": "j-", 
  "PixelBandwidth": 180.0, 
  "PixelSpacing": "1x1", 
  "PlaneOrientationSequence": "Sagittal", 
  "ReceiveCoilType": "Head", 
  "RepetitionTime": "2.3", 
  "ScanningSequence": "3D TFL", 
  "SliceAcquisitionOrder": "Interleaved Ascending", 
  "SliceEncodingDirection": "i", 
  "SliceThickness": 1.1, 
  "SpacingBetweenSlices": 1.65
}