{
  "AcquisitionDuration": "8:08:00", 
  "AcquisitionMatrix": "256x200", 
  "EchoTime": 0.0037, 
  "FieldofViewDimensions": "256x200", 
  "FieldofViewShape": "Rectangle", 
  "FlipAngle": 8, 
  "InversionTime": 1.0, 
  "MagneticFieldStrength": 3, 
  "Manufacturer": "Philips", 
  "ManufacturersModelName": "Achieva", 
  "NumberOfSlices": 200.0, 
  "ParallelAcquisition": "Yes", 
  "ParallelAcquisitionTechnique": "SENSE", 
  "ParallelReductionFactorIn-plane": 1.0, 
  "ParallelReductionFactorout-of-plane": 2.0, 
  "PhaseEncodingDirection": "i", 
  "PixelBandwidth": 191.5, 
  "PixelSpacing": "1x1", 
  "PlaneOrientationSequence": "Coronal", 
  "ReceiveCoilType": "Head", 
  "RepetitionTime": 3.5, 
  "ScanningSequence": "MPRAGE", 
  "SliceThickness": 1.0, 
  "SpacingBetweenSlices": 1.0
}