{
  "AcquisitionDuration": "6:06", 
  "AcquisitionMatrix": "64x64", 
  "BulkMotionCompensationTechnique": "Correction", 
  "EchoTime": 0.03, 
  "FieldofViewDimensions": "192x192", 
  "FieldofViewShape": "Rectangle", 
  "FlipAngle": 80, 
  "Instructions": "Keep your eyes closed without falling asleep and do not think of anything in particular.", 
  "MagneicFieldStrength": 3, 
  "Manufacturer": "Siemens", 
  "ManufacturersModelName": "Verio", 
  "NumberOfSlices": 28, 
  "NumberofMeasurements": 120, 
  "ParallelAcquisition": "No", 
  "PhaseEncodingDirection": "j-", 
  "PixelBandwidth": 2232.0, 
  "PixelSpacing": "3.0x3.0", 
  "PlaneOrientationSequence": "Axial", 
  "PulseSequenceType": "EPI", 
  "ReceiveCoilName": "12 Chan", 
  "ReceiveCoilType": "Head", 
  "RepetitionTime": 3.0, 
  "ScanOptions": "FS", 
  "SliceAcquisitionOrder": "Interleaved Ascending", 
  "SliceEncodingDirection": "k", 
  "SliceThickness": 4.0, 
  "SliceTiming": [
    1500.0, 
    0.0, 
    1607.14, 
    107.14, 
    1714.29, 
    214.29, 
    1821.43, 
    321.43, 
    1928.57, 
    428.57, 
    2035.71, 
    535.71, 
    2142.86, 
    642.86, 
    2250.0, 
    750.0, 
    2357.14, 
    857.14, 
    2464.29, 
    964.29, 
    2571.43, 
    1071.43, 
    2678.57, 
    1178.57, 
    2785.71, 
    1285.71, 
    2892.86, 
    1392.86
  ], 
  "SpacingBetweenSlices": 4.4, 
  "TaskName": "rest"
}