{
  "AcquisitionDuration": "6:00", 
  "AcquisitionMatrix": "80x80", 
  "EchoTime": 0.015, 
  "FieldofViewDimensions": "240x240", 
  "FieldofViewShape": "Rectangle", 
  "FlipAngle": 90, 
  "Instructions": "YOU'RE DOING A GREAT JOB! FOR THE NEXT FEW MINUTES WE WOULD LIKE YOU TO KEEP YOUR EYES OPEN, RELAX AND REMAIN STILL.", 
  "MagneicFieldStrength": 3, 
  "Manufacturer": "Siemens", 
  "ManufacturersModelName": "Allegra", 
  "NumberOfSlices": 33, 
  "NumberofMeasurements": 180, 
  "ParallelAcquisition": "No", 
  "PhaseEncodingDirection": "i", 
  "PixelBandwidth": 3906.0, 
  "PixelSpacing": "3.0x3.0", 
  "PlaneOrientationSequence": "Axial Oblique", 
  "PulseSequenceType": "EPI", 
  "ReceiveCoilName": "1 Chan", 
  "ReceiveCoilType": "Head", 
  "RepetitionTime": 2.0, 
  "ScanOptions": "FS", 
  "SliceAcquisitionOrder": "Interleaved Ascending", 
  "SliceEncodingDirection": "k", 
  "SliceThickness": 4.0, 
  "SliceTiming": [
    0.0, 
    1030.3, 
    60.61, 
    1090.91, 
    121.21, 
    1151.52, 
    181.82, 
    1212.12, 
    242.42, 
    1272.73, 
    303.03, 
    1333.33, 
    363.64, 
    1393.94, 
    424.24, 
    1454.55, 
    484.85, 
    1515.15, 
    545.45, 
    1575.76, 
    606.06, 
    1636.36, 
    666.67, 
    1696.97, 
    727.27, 
    1757.58, 
    787.88, 
    1818.18, 
    848.48, 
    1878.79, 
    909.09, 
    1939.39, 
    969.7
  ], 
  "SpacingBetweenSlices": 4.0, 
  "TaskName": "rest"
}