{
  "AcquisitionDuration": "5:04", 
  "AcquisitionMatrix": "64x64", 
  "EchoTime": 0.03, 
  "FieldofViewDimensions": "224x224", 
  "FieldofViewShape": "Rectangular", 
  "FlipAngle": 75, 
  "Instructions": "Participants were asked to lie still in the scanner, with their eyes closed, while staying awake. ", 
  "MagneicFieldStrength": 3, 
  "Manufacturer": "Siemens", 
  "ManufacturersModelName": "TrioTim", 
  "NumberOfSlices": 34.0, 
  "NumberofMeasurements": 150.0, 
  "ParallelAcquisition": "No", 
  "PhaseEncodingDirection": "j-", 
  "PixelBandwidth": 2604.0, 
  "PixelSpacing": "3.5x3.5", 
  "PlaneOrientationSequentialuence": "Axial > Coronal -30", 
  "PulseSequenceType": "EPI", 
  "ReceiveCoilType": "Head", 
  "RepetitionTime": 2.0, 
  "ScanOptions": "FS", 
  "SliceAcquisitionOrder": "Interleaved Ascending", 
  "SliceEncodingDirection": "k", 
  "SliceThickness": 3.5, 
  "SliceTiming": [
    1000.0, 
    0.0, 
    1058.82, 
    58.82, 
    1117.65, 
    117.65, 
    1176.47, 
    176.47, 
    1235.29, 
    235.29, 
    1294.12, 
    294.12, 
    1352.94, 
    352.94, 
    1411.76, 
    411.76, 
    1470.59, 
    470.59, 
    1529.41, 
    529.41, 
    1588.24, 
    588.24, 
    1647.06, 
    647.06, 
    1705.88, 
    705.88, 
    1764.71, 
    764.71, 
    1823.53, 
    823.53, 
    1882.35, 
    882.35, 
    1941.18, 
    941.18
  ], 
  "SpacingBetweenSlices": 3.5, 
  "TaskDescription": "Participants were asked to lie still in the scanner, with their eyes closed, while staying awake. No stimuli were shown on the screen. After the scan, all participants confirmed that they remained awake throughout. Resting-state scans were acquired along with other structural scans, but no task-based experiments.", 
  "TaskName": "rest"
}