{
  "AcquisitionDuration": "7:35", 
  "AcquisitionMatrix": "76x79", 
  "BulkMotionCompensationTechnique": "Tracking", 
  "EchoTime": 0.03, 
  "FieldofViewDimensions": "224x233", 
  "FieldofViewShape": "Rectangle", 
  "FlipAngle": 90, 
  "Instructions": "Keep your eyes closed without falling asleep and do not think of anything in particular.", 
  "MagneicFieldStrength": 3, 
  "Manufacturer": "Philips", 
  "ManufacturersModelName": "Achieva", 
  "NumberOfSlices": 52, 
  "NumberofMeasurements": 180, 
  "ParallelAcquisition": "Yes", 
  "ParallelAcquisitionTechnique": "SENSE", 
  "ParallelReductionFactorIn-plane": 3.0, 
  "PhaseEncodingDirection": "j-", 
  "PixelBandwidth": 2032.0, 
  "PixelSpacing": "2.95x2.95", 
  "PlaneOrientationSequence": "Axial", 
  "PulseSequenceType": "EPI", 
  "ReceiveCoilName": "32 Chan", 
  "ReceiveCoilType": "Head", 
  "RepetitionTime": 2.5, 
  "ScanOptions": "FS", 
  "SliceAcquisitionOrder": "Sequential Ascending", 
  "SliceEncodingDirection": "k", 
  "SliceThickness": 3.0, 
  "SliceTiming": [
    0.0, 
    48.08, 
    96.15, 
    144.23, 
    192.31, 
    240.38, 
    288.46, 
    336.54, 
    384.62, 
    432.69, 
    480.77, 
    528.85, 
    576.92, 
    625.0, 
    673.08, 
    721.15, 
    769.23, 
    817.31, 
    865.38, 
    913.46, 
    961.54, 
    1009.62, 
    1057.69, 
    1105.77, 
    1153.85, 
    1201.92, 
    1250.0, 
    1298.08, 
    1346.15, 
    1394.23, 
    1442.31, 
    1490.38, 
    1538.46, 
    1586.54, 
    1634.62, 
    1682.69, 
    1730.77, 
    1778.85, 
    1826.92, 
    1875.0, 
    1923.08, 
    1971.15, 
    2019.23, 
    2067.31, 
    2115.38, 
    2163.46, 
    2211.54, 
    2259.62, 
    2307.69, 
    2355.77, 
    2403.85, 
    2451.92
  ], 
  "SpacingBetweenSlices": 3.0, 
  "TaskName": "rest"
}