{
  "AcquisitionDuration": "5:40:00", 
  "AcquisitionMatrix": "256x256", 
  "EchoTime": "0.004236", 
  "FieldofViewDimensions": "230x230", 
  "FieldofViewShape": "Rectangle", 
  "FlipAngle": 16, 
  "InversionTime": 0.35, 
  "MagneticFieldStrength": 3.0, 
  "Manufacturer": "GE", 
  "ManufacturersModelName": "MR750", 
  "NumberOfSlices": 186, 
  "ParallelAcquisition": "Yes", 
  "ParallelAcquisitionTechnique": "ASSET", 
  "ParallelReductionFactorIn-plane": 2.0, 
  "PhaseEncodingDirection": "j-", 
  "PixelBandwidth": 20.83, 
  "PixelSpacing": "0.9x0.9", 
  "PlaneOrientationSequence": "Sagittal", 
  "ReceiveCoilName": "8 Chan", 
  "ReceiveCoilType": "Head", 
  "RepetitionTime": "0.01027", 
  "ScanningSequence": "IR-FSPGR", 
  "SliceThickness": 0.9, 
  "SpacingBetweenSlices": 0.9
}