{
  "AcquisitionDuration": "8:59:00", 
  "AcquisitionMatrix": "256x256", 
  "EchoTime": "0.00393", 
  "FieldofViewDimensions": "269x269", 
  "FieldofViewShape": "Rectangle", 
  "FlipAngle": 7, 
  "InversionTime": 1.0, 
  "MagneticFieldStrength": 3.0, 
  "Manufacturer": "Siemens", 
  "ManufacturersModelName": "Allegra", 
  "NumberOfSlices": 176, 
  "ParallelAcquisition": "No", 
  "PhaseEncodingDirection": "j-", 
  "PixelBandwidth": 130.0, 
  "PixelSpacing": "1.1x1.1", 
  "PlaneOrientationSequence": "Sagittal", 
  "ReceiveCoilName": "8 Chan", 
  "ReceiveCoilType": "Head", 
  "RepetitionTime": "2.1", 
  "ScanningSequence": "MPRAGE", 
  "SliceAcquisitionOrder": "Sequential Ascending", 
  "SliceEncodingDirection": "i", 
  "SliceThickness": 1.05, 
  "SpacingBetweenSlices": 1.575
}