{
  "AcquisitionDuration": "5:42", 
  "AcquisitionMatrix": "128x128", 
  "Averages": 1.0, 
  "Diffusionb-value": 800.0, 
  "EchoTime": "0.084", 
  "FieldofViewDimensions": "256x256", 
  "FieldofViewShape": "Rectangle", 
  "MagneticFieldStrength": "3T", 
  "Manufacturer": "Siemens", 
  "ManufacturersModelName": "TrioTim", 
  "NumberofBZeros": 0.0, 
  "NumberofDirections": 35.0, 
  "NumberofMeasurements": 35, 
  "NumberofSlices": 72.0, 
  "ParallelAcquisition": "On", 
  "ParallelAcquisitionTechnique": "GRAPPA", 
  "ParallelReductionFactorIn-plane": 2.0, 
  "PartialFourier": "6/8", 
  "PixelBandwidth": 1562.0, 
  "PixelSpacing": "2.0x2.0", 
  "PlaneOrientationSequence": "Axial", 
  "PulseSequenceType": "EPI", 
  "ReceiveCoilName": "12 Chan", 
  "ReceiveCoilType": "Head", 
  "RepetitionTime": 9.0, 
  "ScanOptions": "FS, PFP", 
  "SliceAcquisitionOrder": "Interleaved Ascending", 
  "SliceEncodingDirection": "j", 
  "SliceThickness": 2.0, 
  "SpacingBetweenSlices": 2.0
}