{
  "AcquisitionDuration": "9:14", 
  "AcquisitionMatrix": "256x240", 
  "EchoTime": 0.003589, 
  "FieldofViewDimensions": "256x240", 
  "FieldofViewShape": "Rectangle", 
  "FlipAngle": 10, 
  "InversionTime": 0.9, 
  "MagneticFieldStrength": 3, 
  "Manufacturer": "Siemens", 
  "ManufacturersModelName": "TrioTim", 
  "NumberOfSlices": 160.0, 
  "ParallelAcquisition": "No", 
  "PhaseEncodingDirection": "j-", 
  "PixelBandwidth": 180.0, 
  "PixelSpacing": "1x1", 
  "PlaneOrientationSequence": "Saggital", 
  "ReceiveCoilType": "Head", 
  "RepetitionTime": 2.3, 
  "ScanningSequence": "MPRAGE", 
  "SliceAcquisitionOrder": "Interleaved Ascending", 
  "SliceEncodingDirection": "i", 
  "SliceThickness": 1.1, 
  "SpacingBetweenSlices": 1.65
}