{
  "AcquisitionDuration": "3:32", 
  "AcquisitionMatrix": "64x64", 
  "EchoTime": 0.03, 
  "FieldofViewDimensions": "240x240", 
  "FieldofViewShape": "Rectangular", 
  "FlipAngle": 90, 
  "MagneicFieldStrength": 3, 
  "Manufacturer": "Siemens", 
  "ManufacturersModelName": "TrioTim", 
  "NumberOfSlices": 36.0, 
  "NumberofMeasurements": 82.0, 
  "ParallelAcquisition": "No", 
  "PhaseEncodingDirection": "j-", 
  "PixelBandwidth": 2298.0, 
  "PixelSpacing": "3.8x3.8", 
  "PlaneOrientationSequentialuence": "Axial > Coronal -6.1", 
  "PulseSequenceType": "EPI", 
  "ReceiveCoilType": "Head", 
  "RepetitionTime": 2.5, 
  "ScanOptions": "FS", 
  "SliceAcquisitionOrder": "Interleaved Ascending", 
  "SliceEncodingDirection": "k", 
  "SliceThickness": 3.8, 
  "SliceTiming": [
    1250.0, 
    0.0, 
    1319.44, 
    69.44, 
    1388.89, 
    138.89, 
    1458.33, 
    208.33, 
    1527.78, 
    277.78, 
    1597.22, 
    347.22, 
    1666.67, 
    416.67, 
    1736.11, 
    486.11, 
    1805.56, 
    555.56, 
    1875.0, 
    625.0, 
    1944.44, 
    694.44, 
    2013.89, 
    763.89, 
    2083.33, 
    833.33, 
    2152.78, 
    902.78, 
    2222.22, 
    972.22, 
    2291.67, 
    1041.67, 
    2361.11, 
    1111.11, 
    2430.56, 
    1180.56
  ], 
  "SpacingBetweenSlices": 3.8, 
  "TaskDescription": "Participants were scanned with eyes open; the protocol called for three sequential scans in the same session. Most, but not all participants were able to complete all three scans.", 
  "TaskName": "rest"
}