{
  "AcquisitionDuration": "5:58", 
  "AcquisitionMatrix": "106x106", 
  "Averages": 1.0, 
  "Diffusionb-value": 1500.0, 
  "EchoTime": "0.085", 
  "FieldofViewDimensions": "212x212", 
  "FieldofViewShape": "Rectangle", 
  "FlipAngle": 90.0, 
  "MagneticFieldStrength": "3T", 
  "Manufacturer": "Siemens", 
  "ManufacturersModelName": "TrioTim", 
  "NumberofBZeros": 0.0, 
  "NumberofDirections": 137.0, 
  "NumberofMeasurements": 137, 
  "NumberofSlices": 64.0, 
  "ParallelAcquisition": "Off", 
  "PartialFourier": "8-Jun", 
  "PhaseEncodingDirection": "j-", 
  "PixelBandwidth": 1814.0, 
  "PixelSpacing": "2.0x2.0", 
  "PlaneOrientationSequence": "Axial", 
  "PulseSequenceType": "EPI", 
  "ReceiveCoilName": "32 Chan", 
  "ReceiveCoilType": "Head", 
  "RepetitionTime": 2.4, 
  "ScanOptions": "FS, PFP", 
  "SliceAcquisitionOrder": "Interleaved Ascending", 
  "SliceEncodingDirection": "k", 
  "SliceThickness": 2.0, 
  "SpacingBetweenSlices": 2.0
}