{
  "AcquisitionDuration": "10:36", 
  "AcquisitionMatrix": "64x64", 
  "BulkMotionCompensationTechnique": "Correction", 
  "EchoTime": 0.03, 
  "FieldofViewDimensions": "200x200", 
  "FieldofViewShape": "Rectangle", 
  "FlipAngle": 90, 
  "Instructions": "Lie still, keep your eyes closed, and relax. Refrain from moving and avoid any structured mental activity such as counting.", 
  "MagneicFieldStrength": 3, 
  "Manufacturer": "Siemens", 
  "ManufacturersModelName": "TrioTim", 
  "NumberOfSlices": 25, 
  "NumberofMeasurements": 420, 
  "ParallelAcquisition": "No", 
  "PhaseEncodingDirection": "j-", 
  "PixelBandwidth": 2520.0, 
  "PixelSpacing": "3.1x3.1", 
  "PlaneOrientationSequence": "Axial", 
  "PulseSequenceType": "EPI", 
  "ReceiveCoilName": "12 Chan", 
  "ReceiveCoilType": "Head", 
  "RepetitionTime": 1.5, 
  "ScanOptions": "FS", 
  "SliceAcquisitionOrder": "Interleaved Ascending", 
  "SliceEncodingDirection": "k", 
  "SliceThickness": 4.0, 
  "SliceTiming": [
    0.0, 
    780.0, 
    60.0, 
    840.0, 
    120.0, 
    900.0, 
    180.0, 
    960.0, 
    240.0, 
    1020.0, 
    300.0, 
    1080.0, 
    360.0, 
    1140.0, 
    420.0, 
    1200.0, 
    480.0, 
    1260.0, 
    540.0, 
    1320.0, 
    600.0, 
    1380.0, 
    660.0, 
    1440.0, 
    720.0
  ], 
  "SpacingBetweenSlices": 4.8, 
  "TaskDescription": "During scanning, subjects were presented with a blank screen and instructed to lie still, keep their eyes closed, relax and move as little as possible, also avoid any structured mental activity such as counting.", 
  "TaskName": "rest"
}