{
  "AcquisitionDuration": "7:06", 
  "AcquisitionMatrix": "64x64", 
  "EchoTime": 0.033, 
  "FieldofViewDimensions": "230x230", 
  "FieldofViewShape": "Rectangular", 
  "FlipAngle": 90, 
  "Instructions": "Participants were asked to close their eyes and the room lights were shut off during the rest scan.", 
  "MagneicFieldStrength": 3, 
  "Manufacturer": "Philips", 
  "ManufacturersModelName": "Intera", 
  "NumberOfSlices": 32.0, 
  "NumberofMeasurements": 250.0, 
  "ParallelAcquisition": "Yes", 
  "ParallelAcquisitionTechnique": "SENSE", 
  "ParallelReductionFactorIn-plane": 2.0, 
  "PhaseEncodingDirection": "j-", 
  "PixelBandwidth": 3208.1, 
  "PixelSpacing": "3.59x3.59", 
  "PlaneOrientationSequentialuence": "Axial", 
  "PulseSequenceType": "EPI", 
  "ReceiveCoilName": "8Ch", 
  "ReceiveCoilType": "Head", 
  "RepetitionTime": 1.6669999999999998, 
  "ScanOptions": "FS", 
  "SliceAcquisitionOrder": "Sequential Ascending", 
  "SliceEncodingDirection": "k", 
  "SliceThickness": 4.0, 
  "SliceTiming": [
    0.0, 
    52.09, 
    104.19, 
    156.28, 
    208.37, 
    260.47, 
    312.56, 
    364.66, 
    416.75, 
    468.84, 
    520.94, 
    573.03, 
    625.12, 
    677.22, 
    729.31, 
    781.41, 
    833.5, 
    885.59, 
    937.69, 
    989.78, 
    1041.87, 
    1093.97, 
    1146.06, 
    1198.16, 
    1250.25, 
    1302.34, 
    1354.44, 
    1406.53, 
    1458.62, 
    1510.72, 
    1562.81, 
    1614.91
  ], 
  "SpacingBetweenSlices": 4.0, 
  "TaskDescription": "Scan sessions started with the acquisition of the anatomical followed by the resting state scan (also followed by two task-related fMRI runs). During the resting state scan, participants were instructed to relax, fixate on a white cross (against a black background) and think of nothing in particular.", 
  "TaskName": "rest"
}