{
  "AcquisitionDuration": "7:45", 
  "AcquisitionMatrix": "64x64", 
  "EchoTime": 0.03, 
  "FieldofViewDimensions": "192x192", 
  "FieldofViewShape": "Rectangle", 
  "FlipAngle": 90, 
  "Instructions": "Relax and keep your eyes open/closed.", 
  "MagneicFieldStrength": 3, 
  "Manufacturer": "Siemens", 
  "ManufacturersModelName": "TrioTim", 
  "NumberOfSlices": 34, 
  "NumberofMeasurements": 200, 
  "ParallelAcquisition": "No", 
  "PhaseEncodingDirection": "j-", 
  "PixelBandwidth": 2232.0, 
  "PixelSpacing": "3.0x3.0", 
  "PlaneOrientationSequence": "Axial", 
  "PulseSequenceType": "EPI", 
  "ReceiveCoilName": "12 Chan", 
  "ReceiveCoilType": "Head", 
  "RepetitionTime": 2.3, 
  "ScanOptions": "FS", 
  "SliceAcquisitionOrder": "Interleaved Ascending", 
  "SliceEncodingDirection": "k", 
  "SliceThickness": 4.0, 
  "SliceTiming": [
    1150.0, 
    0.0, 
    1217.65, 
    67.65, 
    1285.29, 
    135.29, 
    1352.94, 
    202.94, 
    1420.59, 
    270.59, 
    1488.24, 
    338.24, 
    1555.88, 
    405.88, 
    1623.53, 
    473.53, 
    1691.18, 
    541.18, 
    1758.82, 
    608.82, 
    1826.47, 
    676.47, 
    1894.12, 
    744.12, 
    1961.76, 
    811.76, 
    2029.41, 
    879.41, 
    2097.06, 
    947.06, 
    2164.71, 
    1014.71, 
    2232.35, 
    1082.35
  ], 
  "SpacingBetweenSlices": 4.0, 
  "TaskDescription": "Each participant completed at least two 7.5-minute resting state scans. During the resting state scan participants were instructed to relax while keeping their eyes open. In part of the sample, eye status was randomized between scans. The particular eye status for each scan is indicated in the phenotypic information. No visual stimulus was presented.", 
  "TaskName": "rest"
}