{
  "AcquisitionDuration": "5:06", 
  "AcquisitionMatrix": "64x64", 
  "EchoTime": 0.025, 
  "FieldofViewDimensions": "200x200", 
  "FieldofViewShape": "Rectangular", 
  "FlipAngle": 70, 
  "Instructions": "participants were instructed to close their eyes and asked not to fall asleep.", 
  "MagneicFieldStrength": 3, 
  "Manufacturer": "Siemens", 
  "ManufacturersModelName": "Allegra", 
  "NumberOfSlices": 29.0, 
  "NumberofMeasurements": 200.0, 
  "ParallelAcquisition": "No", 
  "PhaseEncodingDirection": "j-", 
  "PixelBandwidth": 3126.0, 
  "PixelSpacing": "3.1x3.1", 
  "PlaneOrientationSequentialuence": "Axial > Coronal -18.4", 
  "PulseSequenceType": "EPI", 
  "ReceiveCoilType": "Head", 
  "RepetitionTime": 1.5, 
  "ScanOptions": "FS", 
  "SliceAcquisitionOrder": "Interleaved Ascending", 
  "SliceEncodingDirection": "k", 
  "SliceThickness": 4.0, 
  "SliceTiming": [
    0.0, 
    775.86, 
    51.72, 
    827.59, 
    103.45, 
    879.31, 
    155.17, 
    931.03, 
    206.9, 
    982.76, 
    258.62, 
    1034.48, 
    310.34, 
    1086.21, 
    362.07, 
    1137.93, 
    413.79, 
    1189.66, 
    465.52, 
    1241.38, 
    517.24, 
    1293.1, 
    568.97, 
    1344.83, 
    620.69, 
    1396.55, 
    672.41, 
    1448.28, 
    724.14
  ], 
  "SpacingBetweenSlices": 4.0, 
  "TaskDescription": "While in the scanner participants completed a memory tasks, followed by structural scans. The last run of the scan session was the rest fMRI sequence ", 
  "TaskName": "rest"
}