{
  "AcquisitionDuration": "7:45", 
  "AcquisitionMatrix": "72x72", 
  "EchoTime": 0.03, 
  "FieldofViewDimensions": "216x216", 
  "FieldofViewShape": "Rectangle", 
  "FlipAngle": 80, 
  "Instructions": "Lie Still and Relax During Scan", 
  "MagneicFieldStrength": 3, 
  "Manufacturer": "Siemens", 
  "ManufacturersModelName": "TrioTim", 
  "NumberOfSlices": 38, 
  "NumberofMeasurements": 184, 
  "ParallelAcquisition": "No", 
  "PhaseEncodingDirection": "j-", 
  "PixelBandwidth": 2240.0, 
  "PixelSpacing": "3.0x3.0", 
  "PlaneOrientationSequence": "Axial", 
  "PulseSequenceType": "EPI", 
  "ReceiveCoilName": "8 Chan", 
  "ReceiveCoilType": "Head", 
  "RepetitionTime": 2.5, 
  "ScanOptions": "FS", 
  "SliceAcquisitionOrder": "Interleaved Ascending", 
  "SliceEncodingDirection": "k", 
  "SliceThickness": 3.0, 
  "SliceTiming": [
    1250.0, 
    0.0, 
    1315.79, 
    65.79, 
    1381.58, 
    131.58, 
    1447.37, 
    197.37, 
    1513.16, 
    263.16, 
    1578.95, 
    328.95, 
    1644.74, 
    394.74, 
    1710.53, 
    460.53, 
    1776.32, 
    526.32, 
    1842.11, 
    592.11, 
    1907.89, 
    657.89, 
    1973.68, 
    723.68, 
    2039.47, 
    789.47, 
    2105.26, 
    855.26, 
    2171.05, 
    921.05, 
    2236.84, 
    986.84, 
    2302.63, 
    1052.63, 
    2368.42, 
    1118.42, 
    2434.21, 
    1184.21
  ], 
  "SpacingBetweenSlices": 3.33, 
  "TaskDescription": "Each participant was scanned twice within a session. Subjects were presented with a fixation cross and were instructed to keep their eyes open, fixate on the cross displayed on the screen, relax, and move as little as possible", 
  "TaskName": "rest"
}