{
  "AcquisitionDuration": "8:34", 
  "AcquisitionMatrix": "256x256?", 
  "EchoTime": 0.00173, 
  "FieldofViewDimensions": "250x250", 
  "FieldofViewShape": "Rectangle", 
  "FlipAngle": 9, 
  "InversionTime": 0.624, 
  "MagneticFieldStrength": 3, 
  "Manufacturer": "Siemens", 
  "ManufacturersModelName": "TrioTim", 
  "NumberOfSlices": 176.0, 
  "ParallelAcquisition": "Yes", 
  "ParallelAcquisitionTechnique": "GRAPPA", 
  "ParallelReductionFactorIn-plane": 2.0, 
  "PhaseEncodingDirection": "j-", 
  "PixelBandwidth": 320.0, 
  "PixelSpacing": "1x1", 
  "PlaneOrientationSequence": "Saggital", 
  "ReceiveCoilType": "Head", 
  "RepetitionTime": 1.23, 
  "ScanningSequence": "MPRAGE", 
  "SliceAcquisitionOrder": "Sequential Ascending", 
  "SliceEncodingDirection": "i", 
  "SliceThickness": 1.0, 
  "SpacingBetweenSlices": 1.5
}