{
  "AcquisitionDuration": "6:06", 
  "AcquisitionMatrix": "64x64", 
  "EchoTime": 0.027999999999999997, 
  "FieldofViewDimensions": "192x192", 
  "FieldofViewShape": "Rectangular", 
  "FlipAngle": 90, 
  "Instructions": "Relax and think about whatever you want. Keep your eyes open and keep your head still", 
  "MagneicFieldStrength": 3, 
  "Manufacturer": "Siemens", 
  "ManufacturersModelName": "TrioTim", 
  "NumberOfSlices": 34.0, 
  "NumberofMeasurements": 120.0, 
  "ParallelAcquisition": "No", 
  "PhaseEncodingDirection": "j-", 
  "PixelBandwidth": 2442.0, 
  "PixelSpacing": "3x3", 
  "PlaneOrientationSequentialuence": "Axial > Coronal -21.1", 
  "PulseSequenceType": "EPI", 
  "ReceiveCoilType": "Head", 
  "RepetitionTime": 3.0, 
  "ScanOptions": "FS", 
  "SliceAcquisitionOrder": "Interleaved Ascending", 
  "SliceEncodingDirection": "k", 
  "SliceThickness": 4.0, 
  "SliceTiming": [
    1500.0, 
    0.0, 
    1588.24, 
    88.24, 
    1676.47, 
    176.47, 
    1764.71, 
    264.71, 
    1852.94, 
    352.94, 
    1941.18, 
    441.18, 
    2029.41, 
    529.41, 
    2117.65, 
    617.65, 
    2205.88, 
    705.88, 
    2294.12, 
    794.12, 
    2382.35, 
    882.35, 
    2470.59, 
    970.59, 
    2558.82, 
    1058.82, 
    2647.06, 
    1147.06, 
    2735.29, 
    1235.29, 
    2823.53, 
    1323.53, 
    2911.76, 
    1411.76
  ], 
  "SpacingBetweenSlices": 4.0, 
  "TaskDescription": "A white screen with a black fixation cross in the middle of the screen was presented. For some participants, the MPRAGE and resting state scans were performed on separate dates.", 
  "TaskName": "rest"
}