{
  "AcquisitionDuration": "6:22:00", 
  "AcquisitionMatrix": "256x256", 
  "EchoTime": 0.0046, 
  "FieldofViewDimensions": "250x250", 
  "FieldofViewShape": "Rectangle", 
  "FlipAngle": 8, 
  "InversionTime": 0.9, 
  "MagneticFieldStrength": 3, 
  "Manufacturer": "Philips", 
  "ManufacturersModelName": "Intera", 
  "NumberOfSlices": 182.0, 
  "ParallelAcquisition": "Yes", 
  "ParallelAcquisitionTechnique": "SENSE", 
  "ParallelReductionFactorIn-plane": 1.5, 
  "ParallelReductionFactorout-of-plane": 2.0, 
  "PhaseEncodingDirection": "i", 
  "PixelBandwidth": 135.4, 
  "PixelSpacing": "0.98x0.98", 
  "PlaneOrientationSequence": "Coronal", 
  "ReceiveCoilName": "8Ch", 
  "ReceiveCoilType": "Head", 
  "RepetitionTime": 3.0, 
  "ScanningSequence": "MPRAGE", 
  "SliceThickness": 1.2, 
  "SpacingBetweenSlices": 1.2
}