{
  "AcquisitionDuration": "6:54", 
  "AcquisitionMatrix": "64x64", 
  "EchoTime": 0.03, 
  "FieldofViewDimensions": "256x256", 
  "FieldofViewShape": "Rectangle", 
  "FlipAngle": 90, 
  "Instructions": "Lie Still and Relax During Scan", 
  "MagneicFieldStrength": 3, 
  "Manufacturer": "Siemens", 
  "ManufacturersModelName": "TrioTim", 
  "NumberOfSlices": 32, 
  "NumberofMeasurements": 205, 
  "ParallelAcquisition": "No", 
  "PhaseEncodingDirection": "j-", 
  "PixelBandwidth": 2232.0, 
  "PixelSpacing": "4.0x4.0", 
  "PlaneOrientationSequence": "Axial", 
  "PulseSequenceType": "EPI", 
  "ReceiveCoilName": "8 Chan", 
  "ReceiveCoilType": "Head", 
  "RepetitionTime": 2.0, 
  "ScanOptions": "FS", 
  "SliceAcquisitionOrder": "Interleaved Ascending", 
  "SliceEncodingDirection": "k", 
  "SliceThickness": 4.0, 
  "SliceTiming": [
    1000.0, 
    0.0, 
    1062.5, 
    62.5, 
    1125.0, 
    125.0, 
    1187.5, 
    187.5, 
    1250.0, 
    250.0, 
    1312.5, 
    312.5, 
    1375.0, 
    375.0, 
    1437.5, 
    437.5, 
    1500.0, 
    500.0, 
    1562.5, 
    562.5, 
    1625.0, 
    625.0, 
    1687.5, 
    687.5, 
    1750.0, 
    750.0, 
    1812.5, 
    812.5, 
    1875.0, 
    875.0, 
    1937.5, 
    937.5
  ], 
  "SpacingBetweenSlices": 4.8, 
  "TaskDescription": "During the rest scan, subjects were presented with a fixation cross and instructed to rest while focusing on the fixation cross. Subjects completed two scan sessions one week apart.", 
  "TaskName": "rest"
}