{
  "AcquisitionDuration": "8:07", 
  "AcquisitionMatrix": "256x192", 
  "EchoTime": "0.00325", 
  "FieldofViewDimensions": "256x256", 
  "FieldofViewShape": "Rectangle", 
  "FlipAngle": 7, 
  "InversionTime": 0.11, 
  "MagneticFieldStrength": "3T", 
  "Manufacturer": "Siemens", 
  "ManufacturersModelName": "Allegra", 
  "NumberofSlices": 128, 
  "Orientation": "Saggital", 
  "ParallelAcquisition": "Off", 
  "PhaseEncodingDirection": "j-", 
  "PixelBandwidth": 200.0, 
  "PixelSpacing": "1.0x1.3", 
  "PulseSequenceType": "MPRAGE", 
  "ReceiveCoilType": "Head", 
  "RepetitionTime": 2.53, 
  "SliceAcquisitionOrder": "Sequential Ascending", 
  "SliceEncodingDirection": "i", 
  "SliceThickness": 1.3, 
  "SpacingBetweenSlices": 1.95
}