{
  "AcquisitionDuration": "6:00", 
  "AcquisitionMatrix": "80x64", 
  "EchoTime": 0.015, 
  "FieldofViewDimensions": "240x192", 
  "FieldofViewShape": "Rectangle", 
  "FlipAngle": 90, 
  "Instructions": "During acquisition, participants were asked simply to remain still, close their eyes, think of nothing systematically and not fall asleep", 
  "MagneticFieldStrength": "3T", 
  "Manufacturer": "Siemens", 
  "ManufacturersModelName": "Allegra", 
  "NumberOfSlices": 33, 
  "NumberofMeasurements": 180, 
  "Orientation": "Axial Oblique", 
  "ParallelAcquisition": "Off", 
  "PhaseEncodingDirection": "i", 
  "PixelBandwidth": 3906.0, 
  "PixelSpacing": "3.0x3.0", 
  "PulseSequenceType": "EPI", 
  "RepetitionTime": 2.0, 
  "ScanOptions": "FS", 
  "SliceAcquisitionOrder": "Interleaved Ascending", 
  "SliceEncodingDirection": "k", 
  "SliceThickness": 4.0, 
  "SliceTiming": [
    0.0, 
    1030.3, 
    60.61, 
    1090.91, 
    121.21, 
    1151.52, 
    181.82, 
    1212.12, 
    242.42, 
    1272.73, 
    303.03, 
    1333.33, 
    363.64, 
    1393.94, 
    424.24, 
    1454.55, 
    484.85, 
    1515.15, 
    545.45, 
    1575.76, 
    606.06, 
    1636.36, 
    666.67, 
    1696.97, 
    727.27, 
    1757.58, 
    787.88, 
    1818.18, 
    848.48, 
    1878.79, 
    909.09, 
    1939.39, 
    969.7
  ], 
  "SpacingBetweenSlices": 4.0, 
  "TaskDescription": "A black screen was presented to them.", 
  "TaskName": "rest"
}