{
  "AcquisitionDuration": "10:01", 
  "AcquisitionMatrix": "64x64", 
  "EchoTime": 0.025, 
  "FieldofViewDimensions": "224x224", 
  "FieldofViewShape": "Rectangle", 
  "FlipAngle": 60, 
  "Instructions": "Lie Still and Relax During Scan", 
  "MagneicFieldStrength": 3, 
  "Manufacturer": "GE", 
  "ManufacturersModelName": "Discovery MR750", 
  "NumberOfSlices": 40, 
  "NumberofMeasurements": 231, 
  "ParallelAcquisition": "No", 
  "PhaseEncodingDirection": "j-", 
  "PixelSpacing": "3.5x3.5", 
  "PulseSequenceType": "EPI", 
  "ReceiveCoilName": "8 chan", 
  "ReceiveCoilType": "Head", 
  "RepetitionTime": 2.6, 
  "ScanOptions": "FS", 
  "SliceAcquisitionOrder": "Interleaved Ascending", 
  "SliceThickness": 3.5, 
  "SliceTiming": [
    0.0, 
    1300.0, 
    65.0, 
    1365.0, 
    130.0, 
    1430.0, 
    195.0, 
    1495.0, 
    260.0, 
    1560.0, 
    325.0, 
    1625.0, 
    390.0, 
    1690.0, 
    455.0, 
    1755.0, 
    520.0, 
    1820.0, 
    585.0, 
    1885.0, 
    650.0, 
    1950.0, 
    715.0, 
    2015.0, 
    780.0, 
    2080.0, 
    845.0, 
    2145.0, 
    910.0, 
    2210.0, 
    975.0, 
    2275.0, 
    1040.0, 
    2340.0, 
    1105.0, 
    2405.0, 
    1170.0, 
    2470.0, 
    1235.0, 
    2535.0
  ], 
  "SpacingBetweenSlices": 3.5, 
  "TaskName": "rest"
}